GIT
  remote: https://github.com/Clever/omniauth-clever.git
  revision: 586c2ed1e308a6d563e00a85f24e3c87b0e58788
  specs:
    omniauth-clever (1.2.2)
      omniauth-oauth2 (>= 1.1, <= 1.5)

GIT
  remote: https://github.com/code-dot-org/newrelic-ruby-agent.git
  revision: 5a46cdf3f3f144018bca2edce6b008d464da18fa
  ref: PR-359_prevent_reconnect_attempts_during_shutdowns
  specs:
    newrelic_rpm (6.12.0)

GIT
  remote: https://github.com/code-dot-org/petit.git
  revision: bbe411d61d3f78fff59d9fa79d21c14b1c635750
  specs:
    petit (0.3.0)
      activesupport
      aws-sdk-dynamodb (~> 1)
      jsonapi-serializers
      rack-parser
      rake
      sinatra
      unicorn

GIT
  remote: https://github.com/code-dot-org/redis-slave-read.git
  revision: cfe1bd0f5cf65eee5b52560139cab133f22cb880
  ref: cfe1bd0f5cf65eee5b52560139cab133f22cb880
  specs:
    redis-slave-read (0.2.1)
      connection_pool
      redis

GIT
  remote: https://github.com/code-dot-org/sassc-rails.git
  revision: cdf930a2ca3a582a0d665720a0693d330d5ba12a
  ref: frozen-array-fix
  specs:
    sassc-rails (2.1.2)
      railties (>= 4.0.0)
      sassc (>= 2.0)
      sprockets (> 3.0)
      sprockets-rails
      tilt

GIT
  remote: https://github.com/dooly-ai/omniauth-microsoft_v2_auth.git
  revision: db19d64c2ddb017dddb9a0ff2cee1d84d2fad287
  specs:
    omniauth-microsoft_v2_auth (0.1.0)
      omniauth-oauth2

GIT
  remote: https://github.com/grosser/sort_alphabetical.git
  revision: f8eea712e236df6ba60839ead116f40094266c08
  specs:
    sort_alphabetical (1.1.0)
      unicode_utils (>= 1.2.2)

GIT
  remote: https://github.com/pahanix/full-name-splitter.git
  revision: 316b4f3f4b1e5902dedc2a369d1d9052f042dd50
  specs:
    full-name-splitter (0.1.2)

GIT
  remote: https://github.com/wjordan/gctools.git
  revision: 729c6bbb32c4bcc2ebfed16543991e4d126f09cc
  ref: ruby-2.5
  specs:
    gctools (0.2.4)

GIT
  remote: https://github.com/wjordan/gnista.git
  revision: 573e51812da662a48d272d79e855737eee31bd7d
  ref: embed
  submodules: true
  specs:
    gnista (1.0.1)

GIT
  remote: https://github.com/wjordan/image_optim.git
  revision: 939996f7ad102227c73b42bfda0058f9c66698aa
  ref: cdo
  specs:
    image_optim (0.24.2)
      exifr (~> 1.2, >= 1.2.2)
      fspath (~> 3.0)
      image_size (~> 1.5)
      in_threads (~> 1.3)
      progress (~> 3.0, >= 3.0.1)

GIT
  remote: https://github.com/wjordan/image_optim_pack.git
  revision: 41e063908e1b038a852f18504dd52721aac5ea6a
  ref: guetzli
  specs:
    image_optim_pack (0.5.0)
      fspath (>= 2.1, < 4)
      image_optim (~> 0.19)

GIT
  remote: https://github.com/wjordan/image_optim_rails.git
  revision: 4d4a346e4879886973a9d7e5709e343b1867e0a9
  ref: rails_root_config_path
  specs:
    image_optim_rails (0.3.0)
      image_optim (~> 0.24.0)
      rails
      sprockets

GIT
  remote: https://github.com/wjordan/ims-lti.git
  revision: 39203db48428ab943547363b13da56b02a19d905
  ref: oauth_051
  specs:
    ims-lti (1.1.12)
      builder
      oauth (>= 0.4.5, < 0.6)

GIT
  remote: https://github.com/wjordan/lograge.git
  revision: 1ef23fb6fe78e73e782e6393477a9953fb3f4515
  ref: debug_exceptions
  specs:
    lograge (0.10.0)
      actionpack (>= 4)
      activesupport (>= 4)
      railties (>= 4)
      request_store (~> 1.0)

GIT
  remote: https://github.com/wjordan/omniauth-openid-connect.git
  revision: 2397b1415896e2639a7582a36e26c90b9211f99f
  ref: cdo
  specs:
    omniauth-openid-connect (0.2.2)
      addressable (~> 2.3)
      omniauth (~> 1.1)
      openid_connect (~> 1.0, >= 1.0.3)

GIT
  remote: https://github.com/wjordan/omniauth-windowslive.git
  revision: 68ece379fa4d79a49505454c52aaf9142cd2ed74
  ref: cdo
  specs:
    omniauth-windowslive (0.0.11)
      multi_json (>= 1.0.3)
      omniauth-oauth2 (~> 1.4)

GIT
  remote: https://github.com/wjordan/puma.git
  revision: 29a576120b30c34db7706c062ddf9a046723789f
  branch: debugging
  specs:
    puma (3.12.0)

GIT
  remote: https://github.com/wjordan/sprockets.git
  revision: 35caa45a78b739362b7db087b141f89e27d107c7
  ref: concurrent_asset_bundle_3.x
  specs:
    sprockets (3.7.1)
      concurrent-ruby (~> 1.1)
      rack (> 1, < 3)

GEM
  remote: https://rubygems.org/
  specs:
    Ascii85 (1.1.0)
    acme-client (2.0.5)
      faraday (~> 0.9, >= 0.9.1)
    acmesmith (2.3.1)
      acme-client (~> 2)
      aws-sdk-acm
      aws-sdk-route53
      aws-sdk-s3
      thor
    actioncable (6.0.4.1)
      actionpack (= 6.0.4.1)
      nio4r (~> 2.0)
      websocket-driver (>= 0.6.1)
    actionmailbox (6.0.4.1)
      actionpack (= 6.0.4.1)
      activejob (= 6.0.4.1)
      activerecord (= 6.0.4.1)
      activestorage (= 6.0.4.1)
      activesupport (= 6.0.4.1)
      mail (>= 2.7.1)
    actionmailer (6.0.4.1)
      actionpack (= 6.0.4.1)
      actionview (= 6.0.4.1)
      activejob (= 6.0.4.1)
      mail (~> 2.5, >= 2.5.4)
      rails-dom-testing (~> 2.0)
    actionpack (6.0.4.1)
      actionview (= 6.0.4.1)
      activesupport (= 6.0.4.1)
      rack (~> 2.0, >= 2.0.8)
      rack-test (>= 0.6.3)
      rails-dom-testing (~> 2.0)
      rails-html-sanitizer (~> 1.0, >= 1.2.0)
    actiontext (6.0.4.1)
      actionpack (= 6.0.4.1)
      activerecord (= 6.0.4.1)
      activestorage (= 6.0.4.1)
      activesupport (= 6.0.4.1)
      nokogiri (>= 1.8.5)
    actionview (6.0.4.1)
      activesupport (= 6.0.4.1)
      builder (~> 3.1)
      erubi (~> 1.4)
      rails-dom-testing (~> 2.0)
      rails-html-sanitizer (~> 1.1, >= 1.2.0)
    active_model_serializers (0.10.10)
      actionpack (>= 4.1, < 6.1)
      activemodel (>= 4.1, < 6.1)
      case_transform (>= 0.2)
      jsonapi-renderer (>= 0.1.1.beta1, < 0.3)
    active_record_query_trace (1.5.3)
    active_record_union (1.3.0)
      activerecord (>= 4.0)
    activejob (6.0.4.1)
      activesupport (= 6.0.4.1)
      globalid (>= 0.3.6)
    activemodel (6.0.4.1)
      activesupport (= 6.0.4.1)
    activerecord (6.0.4.1)
      activemodel (= 6.0.4.1)
      activesupport (= 6.0.4.1)
    activerecord-import (0.22.0)
      activerecord (>= 3.2)
    activestorage (6.0.4.1)
      actionpack (= 6.0.4.1)
      activejob (= 6.0.4.1)
      activerecord (= 6.0.4.1)
      marcel (~> 1.0.0)
    activesupport (6.0.4.1)
      concurrent-ruby (~> 1.0, >= 1.0.2)
      i18n (>= 0.7, < 2)
      minitest (~> 5.1)
      tzinfo (~> 1.1)
      zeitwerk (~> 2.2, >= 2.2.2)
    acts_as_list (1.0.4)
      activerecord (>= 4.2)
    addressable (2.8.0)
      public_suffix (>= 2.0.2, < 5.0)
    aes_key_wrap (1.0.1)
    afm (0.2.2)
    annotate (3.1.1)
      activerecord (>= 3.2, < 7.0)
      rake (>= 10.4, < 14.0)
    ansi (1.5.0)
    ast (2.4.2)
    attr_required (1.0.1)
    auto_strip_attributes (2.1.0)
      activerecord (>= 3.0)
    aws-eventstream (1.1.1)
    aws-google (0.1.7)
      aws-sdk-core (~> 3)
      google-api-client (~> 0.23)
      launchy (~> 2)
    aws-partitions (1.482.0)
    aws-sdk-acm (1.44.0)
      aws-sdk-core (~> 3, >= 3.119.0)
      aws-sigv4 (~> 1.1)
    aws-sdk-cloudformation (1.55.0)
      aws-sdk-core (~> 3, >= 3.119.0)
      aws-sigv4 (~> 1.1)
    aws-sdk-cloudfront (1.55.0)
      aws-sdk-core (~> 3, >= 3.119.0)
      aws-sigv4 (~> 1.1)
    aws-sdk-cloudwatch (1.54.0)
      aws-sdk-core (~> 3, >= 3.119.0)
      aws-sigv4 (~> 1.1)
    aws-sdk-cloudwatchlogs (1.43.0)
      aws-sdk-core (~> 3, >= 3.119.0)
      aws-sigv4 (~> 1.1)
    aws-sdk-core (3.119.0)
      aws-eventstream (~> 1, >= 1.0.2)
      aws-partitions (~> 1, >= 1.239.0)
      aws-sigv4 (~> 1.1)
      jmespath (~> 1.0)
    aws-sdk-databasemigrationservice (1.56.0)
      aws-sdk-core (~> 3, >= 3.119.0)
      aws-sigv4 (~> 1.1)
    aws-sdk-dynamodb (1.62.0)
      aws-sdk-core (~> 3, >= 3.119.0)
      aws-sigv4 (~> 1.1)
    aws-sdk-ec2 (1.254.0)
      aws-sdk-core (~> 3, >= 3.119.0)
      aws-sigv4 (~> 1.1)
    aws-sdk-firehose (1.39.0)
      aws-sdk-core (~> 3, >= 3.119.0)
      aws-sigv4 (~> 1.1)
    aws-sdk-glue (1.92.0)
      aws-sdk-core (~> 3, >= 3.119.0)
      aws-sigv4 (~> 1.1)
    aws-sdk-kms (1.46.0)
      aws-sdk-core (~> 3, >= 3.119.0)
      aws-sigv4 (~> 1.1)
    aws-sdk-rds (1.124.0)
      aws-sdk-core (~> 3, >= 3.119.0)
      aws-sigv4 (~> 1.1)
    aws-sdk-route53 (1.52.0)
      aws-sdk-core (~> 3, >= 3.119.0)
      aws-sigv4 (~> 1.1)
    aws-sdk-s3 (1.98.0)
      aws-sdk-core (~> 3, >= 3.119.0)
      aws-sdk-kms (~> 1)
      aws-sigv4 (~> 1.1)
    aws-sdk-secretsmanager (1.48.0)
      aws-sdk-core (~> 3, >= 3.119.0)
      aws-sigv4 (~> 1.1)
    aws-sigv4 (1.2.4)
      aws-eventstream (~> 1, >= 1.0.2)
    backports (3.11.3)
    bcrypt (3.1.13)
    benchmark-ips (2.7.2)
    better_errors (2.9.1)
      coderay (>= 1.0.0)
      erubi (>= 1.0.0)
      rack (>= 0.9.0)
    bindata (2.4.10)
    binding_of_caller (0.8.0)
      debug_inspector (>= 0.0.1)
    bootstrap-sass (2.3.2.2)
      sass (~> 3.2)
    brakeman (4.5.0)
    builder (3.2.4)
    cancancan (3.0.2)
    case_transform (0.2)
      activesupport
    childprocess (0.9.0)
      ffi (~> 1.0, >= 1.0.11)
    chronic (0.10.2)
    chunky_png (1.3.6)
    cld (0.11.0)
      ffi
    climate_control (0.0.3)
      activesupport (>= 3.0)
    cocaine (0.5.8)
      climate_control (>= 0.0.3, < 1.0)
    coderay (1.1.1)
    colorize (0.8.1)
    composite_primary_keys (12.0.10)
      activerecord (~> 6.0.0)
    concurrent-ruby (1.1.9)
    connection_pool (2.2.1)
    crack (0.4.5)
      rexml
    crass (1.0.6)
    crowdin-api (1.2.1)
      open-uri (>= 0.1.0, < 0.2.0)
      rest-client (>= 2.0.0, < 2.1.0)
    css_parser (1.10.0)
      addressable
    cucumber (3.1.1)
      builder (>= 2.1.2)
      cucumber-core (~> 3.1.0)
      cucumber-expressions (~> 6.0.0)
      cucumber-wire (~> 0.0.1)
      diff-lcs (~> 1.3)
      gherkin (~> 5.1.0)
      multi_json (>= 1.7.5, < 2.0)
      multi_test (>= 0.1.2)
    cucumber-core (3.1.0)
      backports (>= 3.8.0)
      cucumber-tag_expressions (~> 1.1.0)
      gherkin (>= 5.0.0)
    cucumber-expressions (6.0.1)
    cucumber-tag_expressions (1.1.1)
    cucumber-wire (0.0.1)
    daemons (1.4.1)
    dalli (2.7.6)
    dalli-elasticache (0.2.0)
      dalli (>= 1.0.0)
    datapackage (0.0.4)
      colorize
      json
      json-schema
      rest-client
    debug_inspector (0.0.3)
    declarative (0.0.20)
    devise (4.7.3)
      bcrypt (~> 3.0)
      orm_adapter (~> 0.1)
      railties (>= 4.1.0)
      responders
      warden (~> 1.2.3)
    devise_invitable (1.6.0)
      actionmailer (>= 3.2.6)
      devise (>= 3.2.0)
    diff-lcs (1.3)
    domain_name (0.5.20180417)
      unf (>= 0.0.5, < 1.0.0)
    dotiw (4.0.1)
      actionpack (>= 4)
      i18n
    erubi (1.10.0)
    erubis (2.7.0)
    eventmachine (1.2.7)
    execjs (2.7.0)
    exifr (1.2.5)
    eyes_core (3.18.4)
      chunky_png (= 1.3.6)
      faraday
      faraday-cookie_jar
      faraday_middleware
      oily_png (~> 1.2)
      oj
    eyes_selenium (3.18.4)
      crass
      css_parser
      eyes_core (= 3.18.4)
      nokogiri
      selenium-webdriver
      state_machine
    factory_girl (4.7.0)
      activesupport (>= 3.0.0)
    factory_girl_rails (4.7.0)
      factory_girl (~> 4.7.0)
      railties (>= 3.0.0)
    fakeredis (0.6.0)
      redis (~> 3.2)
    faraday (0.15.4)
      multipart-post (>= 1.2, < 3)
    faraday-cookie_jar (0.0.7)
      faraday (>= 0.8.0)
      http-cookie (~> 1.0.0)
    faraday_middleware (0.14.0)
      faraday (>= 0.7.4, < 1.0)
    ffi (1.10.0)
    firebase (0.2.6)
      httpclient
      json
    firebase_token_generator (2.0.0)
    font-awesome-rails (4.7.0.5)
      railties (>= 3.2, < 6.1)
    fspath (3.1.0)
    gemoji (2.1.0)
    geocoder (1.6.4)
    get_process_mem (0.2.3)
    gherkin (5.1.0)
    globalid (0.5.2)
      activesupport (>= 5.0)
    google-api-client (0.52.0)
      addressable (~> 2.5, >= 2.5.1)
      googleauth (~> 0.9)
      httpclient (>= 2.8.1, < 3.0)
      mini_mime (~> 1.0)
      representable (~> 3.0)
      retriable (>= 2.0, < 4.0)
      rexml
      signet (~> 0.12)
    google_drive (3.0.6)
      google-api-client (>= 0.11.0, < 1.0.0)
      googleauth (>= 0.5.0, < 1.0.0)
      nokogiri (>= 1.5.3, < 2.0.0)
    googleauth (0.10.0)
      faraday (~> 0.12)
      jwt (>= 1.4, < 3.0)
      memoist (~> 0.16)
      multi_json (~> 1.11)
      os (>= 0.9, < 2.0)
      signet (~> 0.12)
    haml (5.2.2)
      temple (>= 0.8.0)
      tilt
    haml-rails (2.0.1)
      actionpack (>= 5.1)
      activesupport (>= 5.1)
      haml (>= 4.0.6, < 6.0)
      html2haml (>= 1.0.1)
      railties (>= 5.1)
    haml_lint (0.37.1)
      haml (>= 4.0, < 5.3)
      parallel (~> 1.10)
      rainbow
      rubocop (>= 0.50.0)
      sysexits (~> 1.1)
    hammerspace (0.1.7)
      gnista (~> 1.0.1)
    hashdiff (1.0.1)
    hashery (2.1.2)
    hashie (3.6.0)
    highline (1.6.21)
    honeybadger (4.12.1)
    html2haml (2.2.0)
      erubis (~> 2.7.0)
      haml (>= 4.0, < 6)
      nokogiri (>= 1.6.0)
      ruby_parser (~> 3.5)
    http-cookie (1.0.3)
      domain_name (~> 0.5)
    httparty (0.20.0)
      mime-types (~> 3.0)
      multi_xml (>= 0.5.2)
    httpclient (2.8.3)
    i18n (1.8.10)
      concurrent-ruby (~> 1.0)
    image_size (1.5.0)
    in_threads (1.4.0)
    jmespath (1.4.0)
    jquery-rails (4.1.1)
      rails-dom-testing (>= 1, < 3)
      railties (>= 4.2.0)
      thor (>= 0.14, < 2.0)
    jquery-ui-rails (6.0.1)
      railties (>= 3.2.16)
    json (2.6.2)
    json-jwt (1.10.0)
      activesupport (>= 4.2)
      aes_key_wrap
      bindata
    json-schema (2.8.1)
      addressable (>= 2.4)
    jsonapi-renderer (0.2.2)
    jsonapi-serializers (1.0.0)
      activesupport
    jumphash (0.1.0)
    jwt (2.2.3)
    kaminari (0.17.0)
      actionpack (>= 3.0.0)
      activesupport (>= 3.0.0)
    kgio (2.11.3)
    launchy (2.4.3)
      addressable (~> 2.3)
    libv8 (8.4.255.0)
    listen (3.1.5)
      rb-fsevent (~> 0.9, >= 0.9.4)
      rb-inotify (~> 0.9, >= 0.9.7)
      ruby_dep (~> 1.2)
    loofah (2.2.3)
      crass (~> 1.0.2)
      nokogiri (>= 1.5.9)
    mail (2.7.1)
      mini_mime (>= 0.1.1)
    marcel (1.0.2)
    memoist (0.16.2)
    memory_profiler (0.9.10)
    metaclass (0.0.4)
    method_source (0.9.2)
    mime-types (3.3.1)
      mime-types-data (~> 3.2015)
    mime-types-data (3.2020.0512)
    mini_magick (4.9.5)
    mini_mime (1.1.1)
    mini_portile2 (2.6.1)
    mini_racer (0.3.1)
      libv8 (~> 8.4.255)
    minitest (5.15.0)
    minitest-around (0.5.0)
      minitest (~> 5.0)
    minitest-reporters (1.2.0)
      ansi
      builder
      minitest (>= 5.0)
      ruby-progressbar
    mocha (1.1.0)
      metaclass (~> 0.0.1)
    multi_json (1.15.0)
    multi_test (0.1.2)
    multi_xml (0.5.5)
    multipart-post (2.1.1)
    mustermann (1.1.1)
      ruby2_keywords (~> 0.0.1)
    mysql2 (0.5.4)
    nakayoshi_fork (0.0.4)
    naturally (2.1.0)
    net-http-persistent (3.0.0)
      connection_pool (~> 2.2)
    net-scp (2.0.0)
      net-ssh (>= 2.6.5, < 6.0.0)
    net-ssh (5.2.0)
    net_http_ssl_fix (0.0.10)
    netrc (0.11.0)
    nio4r (2.5.8)
    nokogiri (1.12.4)
      mini_portile2 (~> 2.6.1)
      racc (~> 1.4)
    oauth (0.5.1)
    oauth2 (1.4.1)
      faraday (>= 0.8, < 0.16.0)
      jwt (>= 1.0, < 3.0)
      multi_json (~> 1.3)
      multi_xml (~> 0.5)
      rack (>= 1.2, < 3)
    octokit (4.7.0)
      sawyer (~> 0.8.0, >= 0.5.3)
    oily_png (1.2.0)
      chunky_png (~> 1.3.1)
    oj (3.3.10)
    omniauth (1.9.0)
      hashie (>= 3.4.6, < 3.7.0)
      rack (>= 1.6.2, < 3)
    omniauth-facebook (4.0.0)
      omniauth-oauth2 (~> 1.2)
    omniauth-google-oauth2 (0.6.0)
      jwt (>= 2.0)
      omniauth (>= 1.1.1)
      omniauth-oauth2 (>= 1.5)
    omniauth-oauth2 (1.5.0)
      oauth2 (~> 1.1)
      omniauth (~> 1.2)
    omniauth-openid (1.0.1)
      omniauth (~> 1.0)
      rack-openid (~> 1.3.1)
    omniauth-rails_csrf_protection (0.1.2)
      actionpack (>= 4.2)
      omniauth (>= 1.3.1)
    open-uri (0.1.0)
    open_uri_redirections (0.2.1)
    openid_connect (1.0.3)
      activemodel
      attr_required (>= 1.0.0)
      json (>= 1.4.3)
      json-jwt (>= 1.5.0)
      rack-oauth2 (>= 1.3.1)
      swd (>= 1.0.0)
      tzinfo
      validate_email
      validate_url
      webfinger (>= 1.0.1)
    orm_adapter (0.5.0)
    os (1.1.1)
    parallel (1.12.1)
    parallel_tests (2.27.0)
      parallel
    paranoia (2.4.2)
      activerecord (>= 4.0, < 6.1)
    parser (3.1.2.0)
      ast (~> 2.4.1)
    pdf-reader (2.9.2)
      Ascii85 (~> 1.0)
      afm (~> 0.2.1)
      hashery (~> 2.0)
      ruby-rc4
      ttfunk
    pg (1.0.0)
    phantomjs (1.9.7.1)
    progress (3.3.1)
    pry (0.12.2)
      coderay (~> 1.1.0)
      method_source (~> 0.9.0)
    public_suffix (4.0.6)
    puma_worker_killer (0.1.0)
      get_process_mem (~> 0.2)
      puma (>= 2.7, < 4)
    pusher (1.3.1)
      httpclient (~> 2.7)
      multi_json (~> 1.0)
      pusher-signature (~> 0.1.8)
    pusher-signature (0.1.8)
    racc (1.5.2)
    rack (2.2.4)
    rack-cache (1.6.1)
      rack (>= 0.4)
    rack-mini-profiler (1.0.0)
      rack (>= 1.2.0)
    rack-oauth2 (1.5.1)
      activesupport (>= 2.3)
      attr_required (>= 0.0.5)
      httpclient (>= 2.4)
      multi_json (>= 1.3.6)
      rack (>= 1.1)
    rack-openid (1.3.1)
      rack (>= 1.1.0)
      ruby-openid (>= 2.1.8)
    rack-parser (0.7.0)
      rack
    rack-protection (2.1.0)
      rack
    rack-ssl-enforcer (0.2.9)
    rack-test (1.1.0)
      rack (>= 1.0, < 3)
    rack_csrf (2.5.0)
      rack (>= 1.1.0)
    rails (6.0.4.1)
      actioncable (= 6.0.4.1)
      actionmailbox (= 6.0.4.1)
      actionmailer (= 6.0.4.1)
      actionpack (= 6.0.4.1)
      actiontext (= 6.0.4.1)
      actionview (= 6.0.4.1)
      activejob (= 6.0.4.1)
      activemodel (= 6.0.4.1)
      activerecord (= 6.0.4.1)
      activestorage (= 6.0.4.1)
      activesupport (= 6.0.4.1)
      bundler (>= 1.3.0)
      railties (= 6.0.4.1)
      sprockets-rails (>= 2.0.0)
    rails-controller-testing (1.0.5)
      actionpack (>= 5.0.1.rc1)
      actionview (>= 5.0.1.rc1)
      activesupport (>= 5.0.1.rc1)
    rails-dom-testing (2.0.3)
      activesupport (>= 4.2.0)
      nokogiri (>= 1.6)
    rails-html-sanitizer (1.2.0)
      loofah (~> 2.2, >= 2.2.2)
    railties (6.0.4.1)
      actionpack (= 6.0.4.1)
      activesupport (= 6.0.4.1)
      method_source
      rake (>= 0.8.7)
      thor (>= 0.20.3, < 2.0)
    rainbow (3.0.0)
    raindrops (0.19.0)
    rake (11.3.0)
    rambling-trie (2.2.1)
    rb-fsevent (0.10.2)
    rb-inotify (0.9.10)
      ffi (>= 0.5.0, < 2)
    recaptcha (4.6.3)
      json
    redcarpet (3.3.4)
    redis (3.3.3)
    regexp_parser (2.4.0)
    representable (3.1.1)
      declarative (< 0.1.0)
      trailblazer-option (>= 0.1.1, < 0.2.0)
      uber (< 0.2.0)
    request_store (1.4.1)
      rack (>= 1.4)
    require_all (2.0.0)
    rerun (0.13.0)
      listen (~> 3.0)
    responders (3.0.1)
      actionpack (>= 5.0)
      railties (>= 5.0)
    rest-client (2.0.2)
      http-cookie (>= 1.0.2, < 2.0)
      mime-types (>= 1.16, < 4.0)
      netrc (~> 0.8)
    retriable (3.1.2)
    retryable (2.0.4)
    rexml (3.2.5)
    rinku (2.0.4)
    rmagick (4.2.5)
    rspec (3.5.0)
      rspec-core (~> 3.5.0)
      rspec-expectations (~> 3.5.0)
      rspec-mocks (~> 3.5.0)
    rspec-core (3.5.1)
      rspec-support (~> 3.5.0)
    rspec-expectations (3.5.0)
      diff-lcs (>= 1.2.0, < 2.0)
      rspec-support (~> 3.5.0)
    rspec-mocks (3.5.0)
      diff-lcs (>= 1.2.0, < 2.0)
      rspec-support (~> 3.5.0)
    rspec-support (3.5.0)
    rubocop (1.28.0)
      parallel (~> 1.10)
      parser (>= 3.1.0.0)
      rainbow (>= 2.2.2, < 4.0)
      regexp_parser (>= 1.8, < 3.0)
      rexml
      rubocop-ast (>= 1.17.0, < 2.0)
      ruby-progressbar (~> 1.7)
      unicode-display_width (>= 1.4.0, < 3.0)
    rubocop-ast (1.17.0)
      parser (>= 3.1.1.0)
    rubocop-performance (1.13.3)
      rubocop (>= 1.7.0, < 2.0)
      rubocop-ast (>= 0.4.0)
    rubocop-rails (2.14.2)
      activesupport (>= 4.2.0)
      rack (>= 1.1)
      rubocop (>= 1.7.0, < 2.0)
    ruby-openid (2.7.0)
    ruby-prof (0.15.9)
    ruby-progressbar (1.11.0)
    ruby-rc4 (0.1.5)
    ruby2_keywords (0.0.5)
    ruby_dep (1.3.1)
    ruby_parser (3.18.1)
      sexp_processor (~> 4.16)
    rubyzip (1.2.2)
    sass (3.4.22)
    sass-rails (6.0.0)
      sassc-rails (~> 2.1, >= 2.1.1)
    sassc (2.4.0)
      ffi (~> 1.9)
    sawyer (0.8.2)
      addressable (>= 2.3.5)
      faraday (> 0.8, < 2.0)
    scenic (1.5.1)
      activerecord (>= 4.0.0)
      railties (>= 4.0.0)
    scenic-mysql_adapter (1.0.1)
      mysql2
      scenic (>= 1.4.0)
    scss_lint (0.49.0)
      rake (>= 0.9, < 12)
      sass (~> 3.4.20)
    selenium-webdriver (3.141.0)
      childprocess (~> 0.5)
      rubyzip (~> 1.2, >= 1.2.2)
    sequel (5.9.0)
    sexp_processor (4.16.0)
    shotgun (0.9.1)
      rack (>= 1.0)
    signet (0.12.0)
      addressable (~> 2.3)
      faraday (~> 0.9)
      jwt (>= 1.5, < 3.0)
      multi_json (~> 1.10)
    sinatra (2.1.0)
      mustermann (~> 1.0)
      rack (~> 2.2)
      rack-protection (= 2.1.0)
      tilt (~> 2.0)
    spring (2.0.1)
      activesupport (>= 4.2)
    spring-commands-testunit (1.0.1)
      spring (>= 0.9.1)
    sprockets-rails (3.2.2)
      actionpack (>= 4.0)
      activesupport (>= 4.0)
      sprockets (>= 3.0.0)
    sqlite3 (1.3.11)
    sshkit (1.20.0)
      net-scp (>= 1.1.2)
      net-ssh (>= 2.8.0)
    state_machine (1.2.0)
    stringex (2.5.2)
    swd (1.0.1)
      activesupport (>= 3)
      attr_required (>= 0.0.5)
      httpclient (>= 2.4)
      i18n
      json (>= 1.4.3)
    sysexits (1.2.0)
    temple (0.8.2)
    thin (1.8.1)
      daemons (~> 1.0, >= 1.0.9)
      eventmachine (~> 1.0, >= 1.0.4)
      rack (>= 1, < 3)
    thor (1.1.0)
    thread_safe (0.3.6)
    tilt (2.0.10)
    timecop (0.8.1)
    trailblazer-option (0.1.1)
    ttfunk (1.7.0)
    twilio-ruby (5.40.1)
      faraday (>= 0.9, < 2.0)
      jwt (>= 1.5, <= 2.5)
      nokogiri (>= 1.6, < 2.0)
    tzinfo (1.2.9)
      thread_safe (~> 0.1)
    uber (0.1.0)
    uglifier (3.0.0)
      execjs (>= 0.3.0, < 3)
    unf (0.1.4)
      unf_ext
    unf_ext (0.0.7.2)
    unicode-display_width (2.1.0)
    unicode_utils (1.4.0)
    unicorn (5.1.0)
      kgio (~> 2.6)
      raindrops (~> 0.7)
    user_agent_parser (2.3.0)
    validate_email (0.1.6)
      activemodel (>= 3.0)
      mail (>= 2.2.5)
    validate_url (1.0.2)
      activemodel (>= 3.0.0)
      addressable
    validates_email_format_of (1.6.3)
      i18n
    vcr (3.0.3)
    warden (1.2.7)
      rack (>= 1.0)
    web-console (3.3.1)
      actionview (>= 5.0)
      activemodel (>= 5.0)
      debug_inspector
      railties (>= 5.0)
    webdrivers (3.7.2)
      net_http_ssl_fix
      nokogiri (~> 1.6)
      rubyzip (~> 1.0)
      selenium-webdriver (~> 3.0)
    webfinger (1.0.2)
      activesupport
      httpclient (>= 2.4)
      multi_json
    webmock (3.14.0)
      addressable (>= 2.8.0)
      crack (>= 0.3.2)
      hashdiff (>= 0.4.0, < 2.0.0)
    websocket-driver (0.7.5)
      websocket-extensions (>= 0.1.0)
    websocket-extensions (0.1.5)
    xxhash (0.4.0)
    youtube-dl.rb (0.3.1.2016.08.19)
      cocaine (>= 0.5.4)
    zeitwerk (2.4.2)

PLATFORMS
  ruby

DEPENDENCIES
  acmesmith (~> 2.3.1)
  active_model_serializers (~> 0.10.10)
  active_record_query_trace
  active_record_union
  activerecord-import
  acts_as_list
  addressable
  annotate (~> 3.1.1)
  auto_strip_attributes (~> 2.1)
  aws-google
  aws-sdk-acm
  aws-sdk-cloudformation
  aws-sdk-cloudfront
  aws-sdk-cloudwatch
  aws-sdk-cloudwatchlogs
  aws-sdk-core
  aws-sdk-databasemigrationservice
  aws-sdk-dynamodb
  aws-sdk-ec2
  aws-sdk-firehose
  aws-sdk-glue
  aws-sdk-rds
  aws-sdk-route53
  aws-sdk-s3
  aws-sdk-secretsmanager
  bcrypt (= 3.1.13)
  benchmark-ips
  better_errors (>= 2.7.0)
  binding_of_caller
  bootstrap-sass (~> 2.3.2.2)
  brakeman
  cancancan (~> 3.0.0)
  chronic (~> 0.10.2)
  cld
  colorize
  composite_primary_keys (~> 12.0)
  crowdin-api (~> 1.2.1)
  cucumber
  daemons
  dalli
  dalli-elasticache
  datapackage
  devise (~> 4.7.0)
  devise_invitable (~> 1.6.0)
  dotiw
  execjs
  eyes_selenium (= 3.18.4)
  factory_girl_rails
  fakeredis
  firebase
  firebase_token_generator
  font-awesome-rails (~> 4.7.0.5)
  full-name-splitter!
  gctools!
  gemoji
  geocoder
  gnista!
  google-api-client (~> 0.23)
  google_drive
  haml (~> 5.2.0)
  haml-rails
  haml_lint
  hammerspace
  highline (~> 1.6.21)
  honeybadger (>= 4.5.6)
  httparty
  image_optim!
  image_optim_pack (~> 0.5.0)!
  image_optim_rails!
  image_size
  ims-lti!
  jquery-rails
  jquery-ui-rails (~> 6.0.1)
  jumphash
  jwt
  kaminari
  lograge!
  loofah (~> 2.2.1)
  memory_profiler
  mini_magick (>= 4.9.4)
  mini_racer
  minitest (~> 5.15)
  minitest-around
  minitest-reporters (~> 1.2.0.beta3)
  mocha
  mysql2 (>= 0.4.1)
  nakayoshi_fork
  naturally
  net-http-persistent
  net-scp
  net-ssh
  newrelic_rpm!
  nokogiri (>= 1.10.0)
  octokit
  oj
  omniauth-clever (~> 1.2.1)!
  omniauth-facebook (~> 4.0.0)
  omniauth-google-oauth2 (~> 0.6.0)
  omniauth-microsoft_v2_auth!
  omniauth-openid
  omniauth-openid-connect!
  omniauth-rails_csrf_protection (~> 0.1)
  omniauth-windowslive (~> 0.0.11)!
  open_uri_redirections
  os
  parallel
  parallel_tests
  paranoia (~> 2.4.2)
  pdf-reader
  petit!
  pg
  phantomjs (~> 1.9.7.1)
  pry
  puma!
  puma_worker_killer
  pusher (~> 1.3.1)
  rack-cache
  rack-mini-profiler
  rack-ssl-enforcer
  rack_csrf
  rails (= 6.0.4.1)
  rails-controller-testing (~> 1.0.5)
  rambling-trie (>= 2.1.1)
  recaptcha
  redcarpet (~> 3.3.4)
  redis (~> 3.3.3)
  redis-slave-read!
  require_all
  rerun
  responders (~> 3.0)
  rest-client (~> 2.0.1)
  retryable
  rinku
  rmagick (~> 4.2.5)
  rspec
  rubocop (= 1.28)
  rubocop-performance
  rubocop-rails
  ruby-prof
  ruby-progressbar
  ruby_dep (~> 1.3.1)
  sass-rails (~> 6.0.0)
  sassc-rails!
  scenic
  scenic-mysql_adapter
  scss_lint
  selenium-webdriver (= 3.141.0)
  sequel
  shotgun
  sinatra (= 2.1.0)
  sort_alphabetical!
  spring
  spring-commands-testunit
  sprockets!
  sprockets-rails
  sqlite3
  sshkit
  stringex (~> 2.5.2)
  thin
  timecop
  twilio-ruby
  uglifier (>= 1.3.0)
  unf_ext (= 0.0.7.2)
  unicorn (~> 5.1.0)
  user_agent_parser
  validates_email_format_of
  vcr
  web-console
  webdrivers (~> 3.0)
  webmock (~> 3.8)
  xxhash
  youtube-dl.rb

RUBY VERSION
   ruby 2.5.0p0

BUNDLED WITH
   1.17.3
