GIT
  remote: https://github.com/code-dot-org/redis-slave-read.git
  revision: cfe1bd0f5cf65eee5b52560139cab133f22cb880
  ref: cfe1bd0f5cf65eee5b52560139cab133f22cb880
  specs:
    redis-slave-read (0.2.1)
      connection_pool
      redis

GIT
  remote: https://github.com/code-dot-org/sassc-rails.git
  revision: cdf930a2ca3a582a0d665720a0693d330d5ba12a
  ref: frozen-array-fix
  specs:
    sassc-rails (2.1.2)
      railties (>= 4.0.0)
      sassc (>= 2.0)
      sprockets (> 3.0)
      sprockets-rails
      tilt

GIT
  remote: https://github.com/daynew/omniauth-clever.git
  revision: d217eb5d44ad4d68c52beb9b0b1929cb109e190a
  branch: clever-v2.1-upgrade
  specs:
    omniauth-clever (2.0.0)
      omniauth-oauth2 (>= 1.1, <= 1.5)

GIT
  remote: https://github.com/dooly-ai/omniauth-microsoft_v2_auth.git
  revision: db19d64c2ddb017dddb9a0ff2cee1d84d2fad287
  specs:
    omniauth-microsoft_v2_auth (0.1.0)
      omniauth-oauth2

GIT
  remote: https://github.com/grosser/sort_alphabetical.git
  revision: f8eea712e236df6ba60839ead116f40094266c08
  specs:
    sort_alphabetical (1.1.0)
      unicode_utils (>= 1.2.2)

GIT
  remote: https://github.com/pahanix/full-name-splitter.git
  revision: 316b4f3f4b1e5902dedc2a369d1d9052f042dd50
  specs:
    full-name-splitter (0.1.2)

GIT
  remote: https://github.com/wjordan/gctools.git
  revision: 729c6bbb32c4bcc2ebfed16543991e4d126f09cc
  ref: ruby-2.5
  specs:
    gctools (0.2.4)

GIT
  remote: https://github.com/wjordan/image_optim.git
  revision: 939996f7ad102227c73b42bfda0058f9c66698aa
  ref: cdo
  specs:
    image_optim (0.24.2)
      exifr (~> 1.2, >= 1.2.2)
      fspath (~> 3.0)
      image_size (~> 1.5)
      in_threads (~> 1.3)
      progress (~> 3.0, >= 3.0.1)

GIT
  remote: https://github.com/wjordan/image_optim_pack.git
  revision: 41e063908e1b038a852f18504dd52721aac5ea6a
  ref: guetzli
  specs:
    image_optim_pack (0.5.0)
      fspath (>= 2.1, < 4)
      image_optim (~> 0.19)

GIT
  remote: https://github.com/wjordan/lograge.git
  revision: 1ef23fb6fe78e73e782e6393477a9953fb3f4515
  ref: debug_exceptions
  specs:
    lograge (0.10.0)
      actionpack (>= 4)
      activesupport (>= 4)
      railties (>= 4)
      request_store (~> 1.0)

GIT
  remote: https://github.com/wjordan/omniauth-openid-connect.git
  revision: 2397b1415896e2639a7582a36e26c90b9211f99f
  ref: cdo
  specs:
    omniauth-openid-connect (0.2.2)
      addressable (~> 2.3)
      omniauth (~> 1.1)
      openid_connect (~> 1.0, >= 1.0.3)

GIT
  remote: https://github.com/wjordan/omniauth-windowslive.git
  revision: 68ece379fa4d79a49505454c52aaf9142cd2ed74
  ref: cdo
  specs:
    omniauth-windowslive (0.0.11)
      multi_json (>= 1.0.3)
      omniauth-oauth2 (~> 1.4)

GIT
  remote: https://github.com/wjordan/puma.git
  revision: 29a576120b30c34db7706c062ddf9a046723789f
  branch: debugging
  specs:
    puma (3.12.0)

GIT
  remote: https://github.com/wjordan/sprockets.git
  revision: 35caa45a78b739362b7db087b141f89e27d107c7
  ref: concurrent_asset_bundle_3.x
  specs:
    sprockets (3.7.1)
      concurrent-ruby (~> 1.1)
      rack (> 1, < 3)

GEM
  remote: https://rubygems.org/
  specs:
    Ascii85 (1.1.0)
    acme-client (2.0.11)
      faraday (>= 1.0, < 3.0.0)
      faraday-retry (~> 1.0)
    acmesmith (2.3.1)
      acme-client (~> 2)
      aws-sdk-acm
      aws-sdk-route53
      aws-sdk-s3
      thor
    actioncable (6.0.6)
      actionpack (= 6.0.6)
      nio4r (~> 2.0)
      websocket-driver (>= 0.6.1)
    actionmailbox (6.0.6)
      actionpack (= 6.0.6)
      activejob (= 6.0.6)
      activerecord (= 6.0.6)
      activestorage (= 6.0.6)
      activesupport (= 6.0.6)
      mail (>= 2.7.1)
    actionmailer (6.0.6)
      actionpack (= 6.0.6)
      actionview (= 6.0.6)
      activejob (= 6.0.6)
      mail (~> 2.5, >= 2.5.4)
      rails-dom-testing (~> 2.0)
    actionpack (6.0.6)
      actionview (= 6.0.6)
      activesupport (= 6.0.6)
      rack (~> 2.0, >= 2.0.8)
      rack-test (>= 0.6.3)
      rails-dom-testing (~> 2.0)
      rails-html-sanitizer (~> 1.0, >= 1.2.0)
    actiontext (6.0.6)
      actionpack (= 6.0.6)
      activerecord (= 6.0.6)
      activestorage (= 6.0.6)
      activesupport (= 6.0.6)
      nokogiri (>= 1.8.5)
    actionview (6.0.6)
      activesupport (= 6.0.6)
      builder (~> 3.1)
      erubi (~> 1.4)
      rails-dom-testing (~> 2.0)
      rails-html-sanitizer (~> 1.1, >= 1.2.0)
    active_model_serializers (0.10.13)
      actionpack (>= 4.1, < 7.1)
      activemodel (>= 4.1, < 7.1)
      case_transform (>= 0.2)
      jsonapi-renderer (>= 0.1.1.beta1, < 0.3)
    active_record_query_trace (1.5.3)
    active_record_union (1.3.0)
      activerecord (>= 4.0)
    activejob (6.0.6)
      activesupport (= 6.0.6)
      globalid (>= 0.3.6)
    activemodel (6.0.6)
      activesupport (= 6.0.6)
    activerecord (6.0.6)
      activemodel (= 6.0.6)
      activesupport (= 6.0.6)
    activerecord-import (1.0.8)
      activerecord (>= 3.2)
    activestorage (6.0.6)
      actionpack (= 6.0.6)
      activejob (= 6.0.6)
      activerecord (= 6.0.6)
      marcel (~> 1.0)
    activesupport (6.0.6)
      concurrent-ruby (~> 1.0, >= 1.0.2)
      i18n (>= 0.7, < 2)
      minitest (~> 5.1)
      tzinfo (~> 1.1)
      zeitwerk (~> 2.2, >= 2.2.2)
    acts_as_list (1.1.0)
      activerecord (>= 4.2)
    addressable (2.8.4)
      public_suffix (>= 2.0.2, < 6.0)
    aes_key_wrap (1.0.1)
    afm (0.2.2)
    annotate (3.1.1)
      activerecord (>= 3.2, < 7.0)
      rake (>= 10.4, < 14.0)
    ansi (1.5.0)
    ast (2.4.2)
    attr_required (1.0.1)
    auto_strip_attributes (2.1.0)
      activerecord (>= 3.0)
    aws-eventstream (1.2.0)
    aws-google (0.2.0)
      aws-sdk-core (~> 3.130)
      google-apis-core
      launchy (~> 2)
    aws-partitions (1.686.0)
    aws-sdk-acm (1.44.0)
      aws-sdk-core (~> 3, >= 3.119.0)
      aws-sigv4 (~> 1.1)
    aws-sdk-cloudformation (1.55.0)
      aws-sdk-core (~> 3, >= 3.119.0)
      aws-sigv4 (~> 1.1)
    aws-sdk-cloudfront (1.55.0)
      aws-sdk-core (~> 3, >= 3.119.0)
      aws-sigv4 (~> 1.1)
    aws-sdk-cloudwatch (1.54.0)
      aws-sdk-core (~> 3, >= 3.119.0)
      aws-sigv4 (~> 1.1)
    aws-sdk-cloudwatchlogs (1.43.0)
      aws-sdk-core (~> 3, >= 3.119.0)
      aws-sigv4 (~> 1.1)
    aws-sdk-core (3.168.4)
      aws-eventstream (~> 1, >= 1.0.2)
      aws-partitions (~> 1, >= 1.651.0)
      aws-sigv4 (~> 1.5)
      jmespath (~> 1, >= 1.6.1)
    aws-sdk-databasemigrationservice (1.56.0)
      aws-sdk-core (~> 3, >= 3.119.0)
      aws-sigv4 (~> 1.1)
    aws-sdk-dynamodb (1.62.0)
      aws-sdk-core (~> 3, >= 3.119.0)
      aws-sigv4 (~> 1.1)
    aws-sdk-ec2 (1.254.0)
      aws-sdk-core (~> 3, >= 3.119.0)
      aws-sigv4 (~> 1.1)
    aws-sdk-firehose (1.39.0)
      aws-sdk-core (~> 3, >= 3.119.0)
      aws-sigv4 (~> 1.1)
    aws-sdk-glue (1.92.0)
      aws-sdk-core (~> 3, >= 3.119.0)
      aws-sigv4 (~> 1.1)
    aws-sdk-kms (1.46.0)
      aws-sdk-core (~> 3, >= 3.119.0)
      aws-sigv4 (~> 1.1)
    aws-sdk-rds (1.124.0)
      aws-sdk-core (~> 3, >= 3.119.0)
      aws-sigv4 (~> 1.1)
    aws-sdk-route53 (1.52.0)
      aws-sdk-core (~> 3, >= 3.119.0)
      aws-sigv4 (~> 1.1)
    aws-sdk-s3 (1.98.0)
      aws-sdk-core (~> 3, >= 3.119.0)
      aws-sdk-kms (~> 1)
      aws-sigv4 (~> 1.1)
    aws-sdk-secretsmanager (1.48.0)
      aws-sdk-core (~> 3, >= 3.119.0)
      aws-sigv4 (~> 1.1)
    aws-sigv4 (1.5.2)
      aws-eventstream (~> 1, >= 1.0.2)
    backports (3.11.3)
    bcrypt (3.1.13)
    benchmark-ips (2.7.2)
    better_errors (2.9.1)
      coderay (>= 1.0.0)
      erubi (>= 1.0.0)
      rack (>= 0.9.0)
    bindata (2.4.10)
    bootstrap-sass (2.3.2.2)
      sass (~> 3.2)
    brakeman (4.5.0)
    builder (3.2.4)
    cancancan (3.2.2)
    case_transform (0.2)
      activesupport
    childprocess (0.9.0)
      ffi (~> 1.0, >= 1.0.11)
    chronic (0.10.2)
    chunky_png (1.3.6)
    cld (0.11.0)
      ffi
    climate_control (0.0.3)
      activesupport (>= 3.0)
    cocaine (0.5.8)
      climate_control (>= 0.0.3, < 1.0)
    coderay (1.1.3)
    colorize (0.8.1)
    composite_primary_keys (12.0.10)
      activerecord (~> 6.0.0)
    concurrent-ruby (1.1.10)
    connection_pool (2.2.1)
    crack (0.4.5)
      rexml
    crass (1.0.6)
    crowdin-api (1.2.1)
      open-uri (>= 0.1.0, < 0.2.0)
      rest-client (>= 2.0.0, < 2.1.0)
    css_parser (1.14.0)
      addressable
    cucumber (3.1.1)
      builder (>= 2.1.2)
      cucumber-core (~> 3.1.0)
      cucumber-expressions (~> 6.0.0)
      cucumber-wire (~> 0.0.1)
      diff-lcs (~> 1.3)
      gherkin (~> 5.1.0)
      multi_json (>= 1.7.5, < 2.0)
      multi_test (>= 0.1.2)
    cucumber-core (3.1.0)
      backports (>= 3.8.0)
      cucumber-tag_expressions (~> 1.1.0)
      gherkin (>= 5.0.0)
    cucumber-expressions (6.0.1)
    cucumber-tag_expressions (1.1.1)
    cucumber-wire (0.0.1)
    daemons (1.4.1)
    dalli (2.7.6)
    dalli-elasticache (1.0.1)
      dalli (>= 2.0.0)
    datapackage (1.1.1)
      colorize
      json-schema
      ruby_dig
      rubyzip
      tableschema
    date (3.3.3)
    debug_inspector (0.0.3)
    declarative (0.0.20)
    devise (4.7.3)
      bcrypt (~> 3.0)
      orm_adapter (~> 0.1)
      railties (>= 4.1.0)
      responders
      warden (~> 1.2.3)
    devise_invitable (2.0.6)
      actionmailer (>= 5.0)
      devise (>= 4.6)
    diff-lcs (1.5.0)
    domain_name (0.5.20180417)
      unf (>= 0.0.5, < 1.0.0)
    dotiw (4.0.1)
      actionpack (>= 4)
      i18n
    e2mmap (0.1.0)
    erubi (1.11.0)
    eventmachine (1.2.7)
    execjs (2.7.0)
    exifr (1.2.5)
    eyes_core (3.18.4)
      chunky_png (= 1.3.6)
      faraday
      faraday-cookie_jar
      faraday_middleware
      oily_png (~> 1.2)
      oj
    eyes_selenium (3.18.4)
      crass
      css_parser
      eyes_core (= 3.18.4)
      nokogiri
      selenium-webdriver
      state_machine
    factory_bot (4.11.1)
      activesupport (>= 3.0.0)
    factory_bot_rails (4.11.1)
      factory_bot (~> 4.11.1)
      railties (>= 3.0.0)
    fakeredis (0.6.0)
      redis (~> 3.2)
    faraday (1.10.3)
      faraday-em_http (~> 1.0)
      faraday-em_synchrony (~> 1.0)
      faraday-excon (~> 1.1)
      faraday-httpclient (~> 1.0)
      faraday-multipart (~> 1.0)
      faraday-net_http (~> 1.0)
      faraday-net_http_persistent (~> 1.0)
      faraday-patron (~> 1.0)
      faraday-rack (~> 1.0)
      faraday-retry (~> 1.0)
      ruby2_keywords (>= 0.0.4)
    faraday-cookie_jar (0.0.7)
      faraday (>= 0.8.0)
      http-cookie (~> 1.0.0)
    faraday-em_http (1.0.0)
    faraday-em_synchrony (1.0.0)
    faraday-excon (1.1.0)
    faraday-httpclient (1.0.1)
    faraday-multipart (1.0.4)
      multipart-post (~> 2)
    faraday-net_http (1.0.1)
    faraday-net_http_persistent (1.2.0)
    faraday-patron (1.0.0)
    faraday-rack (1.0.0)
    faraday-retry (1.0.3)
    faraday_middleware (1.2.0)
      faraday (~> 1.0)
    ffi (1.15.5)
    firebase (0.2.6)
      httpclient
      json
    firebase_token_generator (2.0.0)
    font-awesome-rails (4.7.0.8)
      railties (>= 3.2, < 8.0)
    fspath (3.1.0)
    gemoji (4.1.0)
    geocoder (1.6.4)
    get_process_mem (0.2.3)
    gherkin (5.1.0)
    globalid (1.0.0)
      activesupport (>= 5.0)
    google-apis-analytics_v3 (0.12.0)
      google-apis-core (>= 0.9.1, < 2.a)
    google-apis-classroom_v1 (0.21.0)
      google-apis-core (>= 0.9.1, < 2.a)
    google-apis-core (0.9.2)
      addressable (~> 2.5, >= 2.5.1)
      googleauth (>= 0.16.2, < 2.a)
      httpclient (>= 2.8.1, < 3.a)
      mini_mime (~> 1.0)
      representable (~> 3.0)
      retriable (>= 2.0, < 4.a)
      rexml
      webrick
    google-apis-drive_v3 (0.32.0)
      google-apis-core (>= 0.9.1, < 2.a)
    google-apis-sheets_v4 (0.20.0)
      google-apis-core (>= 0.9.1, < 2.a)
    google-apis-youtube_v3 (0.25.0)
      google-apis-core (>= 0.9.1, < 2.a)
    google_drive (3.0.7)
      google-apis-drive_v3 (>= 0.5.0, < 1.0.0)
      google-apis-sheets_v4 (>= 0.4.0, < 1.0.0)
      googleauth (>= 0.5.0, < 1.0.0)
      nokogiri (>= 1.5.3, < 2.0.0)
    googleauth (0.17.1)
      faraday (>= 0.17.3, < 2.0)
      jwt (>= 1.4, < 3.0)
      memoist (~> 0.16)
      multi_json (~> 1.11)
      os (>= 0.9, < 2.0)
      signet (~> 0.15)
    haml (5.2.2)
      temple (>= 0.8.0)
      tilt
    haml-rails (2.1.0)
      actionpack (>= 5.1)
      activesupport (>= 5.1)
      haml (>= 4.0.6)
      railties (>= 5.1)
    haml_lint (0.37.1)
      haml (>= 4.0, < 5.3)
      parallel (~> 1.10)
      rainbow
      rubocop (>= 0.50.0)
      sysexits (~> 1.1)
    hashdiff (1.0.1)
    hashery (2.1.2)
    hashie (3.6.0)
    highline (1.6.21)
    honeybadger (4.12.1)
    http-cookie (1.0.3)
      domain_name (~> 0.5)
    httparty (0.20.0)
      mime-types (~> 3.0)
      multi_xml (>= 0.5.2)
    httpclient (2.8.3)
    i18n (1.12.0)
      concurrent-ruby (~> 1.0)
    image_optim_rails (0.4.3)
      image_optim (~> 0.24)
      rails
      sprockets
    image_size (1.5.0)
    in_threads (1.4.0)
    jmespath (1.6.2)
    jquery-rails (4.1.1)
      rails-dom-testing (>= 1, < 3)
      railties (>= 4.2.0)
      thor (>= 0.14, < 2.0)
    jquery-ui-rails (6.0.1)
      railties (>= 3.2.16)
    json (2.6.2)
    json-jwt (1.10.0)
      activesupport (>= 4.2)
      aes_key_wrap
      bindata
    json-schema (2.8.1)
      addressable (>= 2.4)
    jsonapi-renderer (0.2.2)
    jumphash (0.1.0)
    jwt (2.5.0)
    kaminari (0.17.0)
      actionpack (>= 3.0.0)
      activesupport (>= 3.0.0)
    launchy (2.5.2)
      addressable (~> 2.8)
    libv8 (8.4.255.0)
    listen (3.7.1)
      rb-fsevent (~> 0.10, >= 0.10.3)
      rb-inotify (~> 0.9, >= 0.9.10)
    loofah (2.2.3)
      crass (~> 1.0.2)
      nokogiri (>= 1.5.9)
    macaddr (1.7.2)
      systemu (~> 2.6.5)
    mail (2.7.1)
      mini_mime (>= 0.1.1)
    marcel (1.0.2)
    memoist (0.16.2)
    memory_profiler (1.0.1)
    metaclass (0.0.4)
    method_source (0.9.2)
    mime-types (3.3.1)
      mime-types-data (~> 3.2015)
    mime-types-data (3.2020.0512)
    mini_magick (4.12.0)
    mini_mime (1.1.2)
    mini_portile2 (2.6.1)
    mini_racer (0.3.1)
      libv8 (~> 8.4.255)
    minitest (5.18.0)
    minitest-around (0.5.0)
      minitest (~> 5.0)
    minitest-reporters (1.2.0)
      ansi
      builder
      minitest (>= 5.0)
      ruby-progressbar
    mocha (1.1.0)
      metaclass (~> 0.0.1)
    multi_json (1.15.0)
    multi_test (0.1.2)
    multi_xml (0.5.5)
    multipart-post (2.2.3)
    mustermann (1.1.1)
      ruby2_keywords (~> 0.0.1)
    mysql2 (0.5.5)
    nakayoshi_fork (0.0.4)
    naturally (2.1.0)
    net-http-persistent (4.0.2)
      connection_pool (~> 2.2)
    net-scp (2.0.0)
      net-ssh (>= 2.6.5, < 6.0.0)
    net-ssh (5.2.0)
    net_http_ssl_fix (0.0.10)
    netrc (0.11.0)
    newrelic_rpm (6.14.0)
    nio4r (2.5.8)
    nokogiri (1.12.4)
      mini_portile2 (~> 2.6.1)
      racc (~> 1.4)
    oauth2 (1.4.11)
      faraday (>= 0.17.3, < 3.0)
      jwt (>= 1.0, < 3.0)
      multi_json (~> 1.3)
      multi_xml (~> 0.5)
      rack (>= 1.2, < 4)
    octokit (6.0.1)
      faraday (>= 1, < 3)
      sawyer (~> 0.9)
    oily_png (1.2.0)
      chunky_png (~> 1.3.1)
    oj (3.14.2)
    omniauth (1.9.0)
      hashie (>= 3.4.6, < 3.7.0)
      rack (>= 1.6.2, < 3)
    omniauth-facebook (4.0.0)
      omniauth-oauth2 (~> 1.2)
    omniauth-google-oauth2 (0.6.0)
      jwt (>= 2.0)
      omniauth (>= 1.1.1)
      omniauth-oauth2 (>= 1.5)
    omniauth-oauth2 (1.5.0)
      oauth2 (~> 1.1)
      omniauth (~> 1.2)
    omniauth-openid (1.0.1)
      omniauth (~> 1.0)
      rack-openid (~> 1.3.1)
    omniauth-rails_csrf_protection (0.1.2)
      actionpack (>= 4.2)
      omniauth (>= 1.3.1)
    open-uri (0.1.0)
      stringio
      time
      uri
    open_uri_redirections (0.2.1)
    openid_connect (1.0.3)
      activemodel
      attr_required (>= 1.0.0)
      json (>= 1.4.3)
      json-jwt (>= 1.5.0)
      rack-oauth2 (>= 1.3.1)
      swd (>= 1.0.0)
      tzinfo
      validate_email
      validate_url
      webfinger (>= 1.0.1)
    orm_adapter (0.5.0)
    os (1.1.4)
    parallel (1.12.1)
    parallel_tests (2.27.0)
      parallel
    paranoia (2.5.3)
      activerecord (>= 5.1, < 7.1)
    parser (3.1.2.0)
      ast (~> 2.4.1)
    pdf-reader (2.9.2)
      Ascii85 (~> 1.0)
      afm (~> 0.2.1)
      hashery (~> 2.0)
      ruby-rc4
      ttfunk
    pg (1.0.0)
    phantomjs (1.9.7.1)
    progress (3.3.1)
    pry (0.12.2)
      coderay (~> 1.1.0)
      method_source (~> 0.9.0)
    public_suffix (5.0.1)
    puma_worker_killer (0.1.0)
      get_process_mem (~> 0.2)
      puma (>= 2.7, < 4)
    pusher (1.3.1)
      httpclient (~> 2.7)
      multi_json (~> 1.0)
      pusher-signature (~> 0.1.8)
    pusher-signature (0.1.8)
    racc (1.5.2)
    rack (2.2.4)
    rack-cache (1.13.0)
      rack (>= 0.4)
    rack-mini-profiler (3.0.0)
      rack (>= 1.2.0)
    rack-oauth2 (1.5.1)
      activesupport (>= 2.3)
      attr_required (>= 0.0.5)
      httpclient (>= 2.4)
      multi_json (>= 1.3.6)
      rack (>= 1.1)
    rack-openid (1.3.1)
      rack (>= 1.1.0)
      ruby-openid (>= 2.1.8)
    rack-protection (2.1.0)
      rack
    rack-ssl-enforcer (0.2.9)
    rack-test (2.0.2)
      rack (>= 1.3)
    rack_csrf (2.7.0)
      rack (>= 1.1.0)
    rails (6.0.6)
      actioncable (= 6.0.6)
      actionmailbox (= 6.0.6)
      actionmailer (= 6.0.6)
      actionpack (= 6.0.6)
      actiontext (= 6.0.6)
      actionview (= 6.0.6)
      activejob (= 6.0.6)
      activemodel (= 6.0.6)
      activerecord (= 6.0.6)
      activestorage (= 6.0.6)
      activesupport (= 6.0.6)
      bundler (>= 1.3.0)
      railties (= 6.0.6)
      sprockets-rails (>= 2.0.0)
    rails-controller-testing (1.0.5)
      actionpack (>= 5.0.1.rc1)
      actionview (>= 5.0.1.rc1)
      activesupport (>= 5.0.1.rc1)
    rails-dom-testing (2.0.3)
      activesupport (>= 4.2.0)
      nokogiri (>= 1.6)
    rails-html-sanitizer (1.2.0)
      loofah (~> 2.2, >= 2.2.2)
    railties (6.0.6)
      actionpack (= 6.0.6)
      activesupport (= 6.0.6)
      method_source
      rake (>= 0.8.7)
      thor (>= 0.20.3, < 2.0)
    rainbow (3.0.0)
    raindrops (0.20.0)
    rake (12.3.3)
    rambling-trie (2.3.0)
    rb-fsevent (0.11.2)
    rb-inotify (0.10.1)
      ffi (~> 1.0)
    recaptcha (4.6.3)
      json
    redcarpet (3.3.4)
    redis (3.3.3)
    regexp_parser (2.4.0)
    representable (3.2.0)
      declarative (< 0.1.0)
      trailblazer-option (>= 0.1.1, < 0.2.0)
      uber (< 0.2.0)
    request_store (1.4.1)
      rack (>= 1.4)
    require_all (2.0.0)
    rerun (0.13.0)
      listen (~> 3.0)
    responders (3.1.0)
      actionpack (>= 5.2)
      railties (>= 5.2)
    rest-client (2.0.2)
      http-cookie (>= 1.0.2, < 2.0)
      mime-types (>= 1.16, < 4.0)
      netrc (~> 0.8)
    retriable (3.1.2)
    retryable (2.0.4)
    rexml (3.2.5)
    rinku (2.0.4)
    rmagick (4.2.5)
    rspec (3.5.0)
      rspec-core (~> 3.5.0)
      rspec-expectations (~> 3.5.0)
      rspec-mocks (~> 3.5.0)
    rspec-core (3.5.1)
      rspec-support (~> 3.5.0)
    rspec-expectations (3.5.0)
      diff-lcs (>= 1.2.0, < 2.0)
      rspec-support (~> 3.5.0)
    rspec-mocks (3.5.0)
      diff-lcs (>= 1.2.0, < 2.0)
      rspec-support (~> 3.5.0)
    rspec-support (3.5.0)
    rubocop (1.28.0)
      parallel (~> 1.10)
      parser (>= 3.1.0.0)
      rainbow (>= 2.2.2, < 4.0)
      regexp_parser (>= 1.8, < 3.0)
      rexml
      rubocop-ast (>= 1.17.0, < 2.0)
      ruby-progressbar (~> 1.7)
      unicode-display_width (>= 1.4.0, < 3.0)
    rubocop-ast (1.17.0)
      parser (>= 3.1.1.0)
    rubocop-performance (1.13.3)
      rubocop (>= 1.7.0, < 2.0)
      rubocop-ast (>= 0.4.0)
    rubocop-rails (2.14.2)
      activesupport (>= 4.2.0)
      rack (>= 1.1)
      rubocop (>= 1.7.0, < 2.0)
    rubocop-rails-accessibility (0.2.0)
      rubocop (>= 1.0.0)
    ruby-openid (2.7.0)
    ruby-prof (0.15.9)
    ruby-progressbar (1.11.0)
    ruby-rc4 (0.1.5)
    ruby2_keywords (0.0.5)
    ruby_dig (0.0.2)
    rubyzip (1.2.2)
    sass (3.4.22)
    sass-rails (6.0.0)
      sassc-rails (~> 2.1, >= 2.1.1)
    sassc (2.4.0)
      ffi (~> 1.9)
    sawyer (0.9.2)
      addressable (>= 2.3.5)
      faraday (>= 0.17.3, < 3)
    scenic (1.5.1)
      activerecord (>= 4.0.0)
      railties (>= 4.0.0)
    scenic-mysql_adapter (1.0.1)
      mysql2
      scenic (>= 1.4.0)
    scss_lint (0.55.0)
      rake (>= 0.9, < 13)
      sass (~> 3.4.20)
    selenium-webdriver (3.141.0)
      childprocess (~> 0.5)
      rubyzip (~> 1.2, >= 1.2.2)
    sequel (5.9.0)
    shotgun (0.9.1)
      rack (>= 1.0)
    signet (0.17.0)
      addressable (~> 2.8)
      faraday (>= 0.17.5, < 3.a)
      jwt (>= 1.5, < 3.0)
      multi_json (~> 1.10)
    sinatra (2.1.0)
      mustermann (~> 1.0)
      rack (~> 2.2)
      rack-protection (= 2.1.0)
      tilt (~> 2.0)
    spring (3.1.1)
    spring-commands-testunit (1.0.1)
      spring (>= 0.9.1)
    sprockets-rails (3.3.0)
      actionpack (>= 5.2)
      activesupport (>= 5.2)
      sprockets (>= 3.0.0)
    sqlite3 (1.3.11)
    sshkit (1.20.0)
      net-scp (>= 1.1.2)
      net-ssh (>= 2.8.0)
    state_machine (1.2.0)
    stringex (2.5.2)
    stringio (3.0.5)
    swd (1.0.1)
      activesupport (>= 3)
      attr_required (>= 0.0.5)
      httpclient (>= 2.4)
      i18n
      json (>= 1.4.3)
    sysexits (1.2.0)
    systemu (2.6.5)
    tableschema (1.0.4)
      activesupport
      json-schema (~> 2.8.0)
      tod (~> 2.1.0)
      uuid (~> 2.3.8)
    temple (0.8.2)
    thin (1.8.2)
      daemons (~> 1.0, >= 1.0.9)
      eventmachine (~> 1.0, >= 1.0.4)
      rack (>= 1, < 3)
    thor (1.2.1)
    thread_safe (0.3.6)
    thwait (0.2.0)
      e2mmap
    tilt (2.0.10)
    time (0.2.2)
      date
    timecop (0.8.1)
    tod (2.1.1)
    trailblazer-option (0.1.2)
    ttfunk (1.7.0)
    twilio-ruby (5.76.0)
      faraday (>= 0.9, < 3.0)
      jwt (>= 1.5, < 3.0)
      nokogiri (>= 1.6, < 2.0)
    tzinfo (1.2.10)
      thread_safe (~> 0.1)
    uber (0.1.0)
    uglifier (3.0.0)
      execjs (>= 0.3.0, < 3)
    unf (0.1.4)
      unf_ext
    unf_ext (0.0.7.2)
    unicode-display_width (2.1.0)
    unicode_utils (1.4.0)
    uri (0.12.1)
    user_agent_parser (2.3.0)
    uuid (2.3.9)
      macaddr (~> 1.0)
    validate_email (0.1.6)
      activemodel (>= 3.0)
      mail (>= 2.2.5)
    validate_url (1.0.2)
      activemodel (>= 3.0.0)
      addressable
    validates_email_format_of (1.6.3)
      i18n
    vcr (3.0.3)
    warden (1.2.7)
      rack (>= 1.0)
    web-console (3.3.1)
      actionview (>= 5.0)
      activemodel (>= 5.0)
      debug_inspector
      railties (>= 5.0)
    webdrivers (3.7.2)
      net_http_ssl_fix
      nokogiri (~> 1.6)
      rubyzip (~> 1.0)
      selenium-webdriver (~> 3.0)
    webfinger (1.0.2)
      activesupport
      httpclient (>= 2.4)
      multi_json
    webmock (3.14.0)
      addressable (>= 2.8.0)
      crack (>= 0.3.2)
      hashdiff (>= 0.4.0, < 2.0.0)
    webrick (1.7.0)
    websocket-driver (0.7.5)
      websocket-extensions (>= 0.1.0)
    websocket-extensions (0.1.5)
    xxhash (0.4.0)
    youtube-dl.rb (0.3.1.2016.08.19)
      cocaine (>= 0.5.4)
    zeitwerk (2.6.6)

PLATFORMS
  ruby

DEPENDENCIES
  acmesmith (~> 2.3.1)
  active_model_serializers (~> 0.10.13)
  active_record_query_trace
  active_record_union
  activerecord-import (~> 1.0.3)
  acts_as_list
  addressable
  annotate (~> 3.1.1)
  auto_strip_attributes (~> 2.1)
  aws-google (~> 0.2.0)
  aws-sdk-acm
  aws-sdk-cloudformation
  aws-sdk-cloudfront
  aws-sdk-cloudwatch
  aws-sdk-cloudwatchlogs
  aws-sdk-core
  aws-sdk-databasemigrationservice
  aws-sdk-dynamodb
  aws-sdk-ec2
  aws-sdk-firehose
  aws-sdk-glue
  aws-sdk-rds
  aws-sdk-route53
  aws-sdk-s3
  aws-sdk-secretsmanager
  bcrypt (= 3.1.13)
  benchmark-ips
  better_errors (>= 2.7.0)
  bootstrap-sass (~> 2.3.2.2)
  brakeman
  cancancan (~> 3.2.0)
  chronic (~> 0.10.2)
  cld
  colorize
  composite_primary_keys (~> 12.0)
  crowdin-api (~> 1.2.1)
  cucumber
  daemons
  dalli
  dalli-elasticache
  datapackage
  devise (~> 4.7.0)
  devise_invitable (~> 2.0.2)
  dotiw
  execjs
  eyes_selenium (= 3.18.4)
  factory_bot_rails (~> 4.11)
  fakeredis
  firebase
  firebase_token_generator
  font-awesome-rails (~> 4.7.0.8)
  full-name-splitter!
  gctools!
  gemoji
  geocoder
  google-apis-analytics_v3
  google-apis-classroom_v1
  google-apis-core
  google-apis-youtube_v3
  google_drive
  haml (~> 5.2.0)
  haml-rails
  haml_lint
  highline (~> 1.6.21)
  honeybadger (>= 4.5.6)
  httparty
  image_optim!
  image_optim_pack (~> 0.5.0)!
  image_optim_rails (~> 0.4.0)
  image_size
  jquery-rails
  jquery-ui-rails (~> 6.0.1)
  jumphash
  jwt
  kaminari
  lograge!
  loofah (~> 2.2.1)
  memory_profiler
  mini_magick (>= 4.10.0)
  mini_racer
  minitest (~> 5.15)
  minitest-around
  minitest-reporters (~> 1.2.0.beta3)
  mocha
  mysql2 (>= 0.4.1)
  nakayoshi_fork
  naturally
  net-http-persistent
  net-scp
  net-ssh
  newrelic_rpm (~> 6.14.0)
  nokogiri (>= 1.10.0)
  octokit
  oj (~> 3.10)
  omniauth-clever (~> 2.0.0)!
  omniauth-facebook (~> 4.0.0)
  omniauth-google-oauth2 (~> 0.6.0)
  omniauth-microsoft_v2_auth!
  omniauth-openid
  omniauth-openid-connect!
  omniauth-rails_csrf_protection (~> 0.1)
  omniauth-windowslive (~> 0.0.11)!
  open_uri_redirections
  os
  parallel
  parallel_tests
  paranoia (~> 2.5.0)
  pdf-reader
  pg
  phantomjs (~> 1.9.7.1)
  pry
  puma!
  puma_worker_killer
  pusher (~> 1.3.1)
  rack-cache
  rack-mini-profiler
  rack-ssl-enforcer
  rack_csrf
  rails (= 6.0.6)
  rails-controller-testing (~> 1.0.5)
  raindrops
  rambling-trie (>= 2.1.1)
  recaptcha
  redcarpet (~> 3.3.4)
  redis (~> 3.3.3)
  redis-slave-read!
  require_all
  rerun
  responders (~> 3.0)
  rest-client (~> 2.0.1)
  retryable
  rinku
  rmagick (~> 4.2.5)
  rspec
  rubocop (= 1.28)
  rubocop-performance
  rubocop-rails
  rubocop-rails-accessibility
  ruby-prof
  ruby-progressbar
  sass-rails (~> 6.0.0)
  sassc-rails!
  scenic
  scenic-mysql_adapter
  scss_lint
  selenium-webdriver (= 3.141.0)
  sequel
  shotgun
  sinatra (= 2.1.0)
  sort_alphabetical!
  spring (~> 3.1.1)
  spring-commands-testunit
  sprockets!
  sprockets-rails (= 3.3.0)
  sqlite3
  sshkit
  stringex (~> 2.5.2)
  thin
  thwait
  timecop
  twilio-ruby
  uglifier (>= 1.3.0)
  unf_ext (= 0.0.7.2)
  user_agent_parser
  validates_email_format_of
  vcr
  web-console
  webdrivers (~> 3.0)
  webmock (~> 3.8)
  xxhash
  youtube-dl.rb

RUBY VERSION
   ruby 3.0.5p211

BUNDLED WITH
   2.3.22
