GIT
  remote: https://github.com/Clever/omniauth-clever.git
  revision: b15a87fde9dec2658e9c131c95c6890b145f8060
  specs:
    omniauth-clever (1.2.1)
      omniauth-oauth2 (~> 1.1)

GIT
  remote: https://github.com/code-dot-org/petit.git
  revision: bbe411d61d3f78fff59d9fa79d21c14b1c635750
  specs:
    petit (0.3.0)
      activesupport
      aws-sdk-dynamodb (~> 1)
      jsonapi-serializers
      rack-parser
      rake
      sinatra
      unicorn

GIT
  remote: https://github.com/code-dot-org/redis-slave-read.git
  revision: cfe1bd0f5cf65eee5b52560139cab133f22cb880
  ref: cfe1bd0f5cf65eee5b52560139cab133f22cb880
  specs:
    redis-slave-read (0.2.1)
      connection_pool
      redis

GIT
  remote: https://github.com/dooly-ai/omniauth-microsoft_v2_auth.git
  revision: db19d64c2ddb017dddb9a0ff2cee1d84d2fad287
  specs:
    omniauth-microsoft_v2_auth (0.1.0)
      omniauth-oauth2

GIT
  remote: https://github.com/grosser/sort_alphabetical.git
  revision: f8eea712e236df6ba60839ead116f40094266c08
  specs:
    sort_alphabetical (1.1.0)
      unicode_utils (>= 1.2.2)

GIT
  remote: https://github.com/pahanix/full-name-splitter.git
  revision: 316b4f3f4b1e5902dedc2a369d1d9052f042dd50
  specs:
    full-name-splitter (0.1.2)

GIT
  remote: https://github.com/rails-api/active_model_serializers.git
  revision: 2962f3f64e7c672bfb5a13a8f739b5db073e5473
  ref: 2962f3f64e7c672bfb5a13a8f739b5db073e5473
  specs:
    active_model_serializers (0.10.0.pre)
      activemodel (>= 4.0)

GIT
  remote: https://github.com/wjordan/gctools.git
  revision: 729c6bbb32c4bcc2ebfed16543991e4d126f09cc
  ref: ruby-2.5
  specs:
    gctools (0.2.4)

GIT
  remote: https://github.com/wjordan/geocoder.git
  revision: 2da20897188b57f777df89f90e45cf331c5b014f
  ref: rack-request-fix
  specs:
    geocoder (1.3.7)

GIT
  remote: https://github.com/wjordan/gnista.git
  revision: 573e51812da662a48d272d79e855737eee31bd7d
  ref: embed
  submodules: true
  specs:
    gnista (1.0.1)

GIT
  remote: https://github.com/wjordan/haml.git
  revision: 22739a012fb34765d9d4b733f997862547a2b9cf
  ref: cdo
  specs:
    haml (5.0.4)
      temple (>= 0.8.0)
      tilt

GIT
  remote: https://github.com/wjordan/i18n.git
  revision: f366d62ad73bd0fee939ed9aa38ab88c9f94a8df
  branch: cdo
  specs:
    i18n (1.0.1)
      concurrent-ruby (~> 1.0)

GIT
  remote: https://github.com/wjordan/image_optim.git
  revision: 939996f7ad102227c73b42bfda0058f9c66698aa
  ref: cdo
  specs:
    image_optim (0.24.2)
      exifr (~> 1.2, >= 1.2.2)
      fspath (~> 3.0)
      image_size (~> 1.5)
      in_threads (~> 1.3)
      progress (~> 3.0, >= 3.0.1)

GIT
  remote: https://github.com/wjordan/image_optim_pack.git
  revision: 41e063908e1b038a852f18504dd52721aac5ea6a
  ref: guetzli
  specs:
    image_optim_pack (0.5.0)
      fspath (>= 2.1, < 4)
      image_optim (~> 0.19)

GIT
  remote: https://github.com/wjordan/image_optim_rails.git
  revision: 4d4a346e4879886973a9d7e5709e343b1867e0a9
  ref: rails_root_config_path
  specs:
    image_optim_rails (0.3.0)
      image_optim (~> 0.24.0)
      rails
      sprockets

GIT
  remote: https://github.com/wjordan/ims-lti.git
  revision: 39203db48428ab943547363b13da56b02a19d905
  ref: oauth_051
  specs:
    ims-lti (1.1.12)
      builder
      oauth (>= 0.4.5, < 0.6)

GIT
  remote: https://github.com/wjordan/lograge.git
  revision: 1ef23fb6fe78e73e782e6393477a9953fb3f4515
  ref: debug_exceptions
  specs:
    lograge (0.10.0)
      actionpack (>= 4)
      activesupport (>= 4)
      railties (>= 4)
      request_store (~> 1.0)

GIT
  remote: https://github.com/wjordan/omniauth-openid-connect.git
  revision: 2397b1415896e2639a7582a36e26c90b9211f99f
  ref: cdo
  specs:
    omniauth-openid-connect (0.2.2)
      addressable (~> 2.3)
      omniauth (~> 1.1)
      openid_connect (~> 1.0, >= 1.0.3)

GIT
  remote: https://github.com/wjordan/omniauth-windowslive.git
  revision: 68ece379fa4d79a49505454c52aaf9142cd2ed74
  ref: cdo
  specs:
    omniauth-windowslive (0.0.11)
      multi_json (>= 1.0.3)
      omniauth-oauth2 (~> 1.4)

GIT
  remote: https://github.com/wjordan/puma.git
  revision: 2ab96d67341a0ae1a4baf6bf80790389abc159ac
  ref: out_of_band
  specs:
    puma (3.12.0)

GIT
  remote: https://github.com/wjordan/sass-rails.git
  revision: 06e833d92d083fbcb137364ffebc597b2577db23
  ref: frozen-array-fix
  specs:
    sass-rails (5.0.6)
      railties (>= 4.0.0, < 6)
      sass (~> 3.1)
      sprockets (>= 2.8, < 4.0)
      sprockets-rails (>= 2.0, < 4.0)
      tilt (>= 1.1, < 3)

GIT
  remote: https://github.com/wjordan/seamless_database_pool.git
  revision: c9a5c2bc92efc1f87a2aa065283e15283dbb9425
  ref: cdo
  specs:
    seamless_database_pool (1.0.19)
      activerecord (>= 3.2.0)

GIT
  remote: https://github.com/wjordan/sprockets.git
  revision: df60ba28584d51235cb0af23cef1b2bbd9d8d2dc
  ref: concurrent_asset_bundle_3.x
  specs:
    sprockets (3.7.1)
      concurrent-ruby (~> 1.0)
      rack (> 1, < 3)

GEM
  remote: https://rubygems.org/
  specs:
    Ascii85 (1.0.2)
    StreetAddress (1.0.6)
    acme-client (1.0.0)
      faraday (~> 0.9, >= 0.9.1)
    acmesmith (0.11.1)
      acme-client (~> 1)
      aws-sdk-acm
      aws-sdk-route53
      aws-sdk-s3
      thor
    actioncable (5.0.7)
      actionpack (= 5.0.7)
      nio4r (>= 1.2, < 3.0)
      websocket-driver (~> 0.6.1)
    actionmailer (5.0.7)
      actionpack (= 5.0.7)
      actionview (= 5.0.7)
      activejob (= 5.0.7)
      mail (~> 2.5, >= 2.5.4)
      rails-dom-testing (~> 2.0)
    actionpack (5.0.7)
      actionview (= 5.0.7)
      activesupport (= 5.0.7)
      rack (~> 2.0)
      rack-test (~> 0.6.3)
      rails-dom-testing (~> 2.0)
      rails-html-sanitizer (~> 1.0, >= 1.0.2)
    actionview (5.0.7)
      activesupport (= 5.0.7)
      builder (~> 3.1)
      erubis (~> 2.7.0)
      rails-dom-testing (~> 2.0)
      rails-html-sanitizer (~> 1.0, >= 1.0.3)
    active_record_query_trace (1.5.3)
    activejob (5.0.7)
      activesupport (= 5.0.7)
      globalid (>= 0.3.6)
    activemodel (5.0.7)
      activesupport (= 5.0.7)
    activerecord (5.0.7)
      activemodel (= 5.0.7)
      activesupport (= 5.0.7)
      arel (~> 7.0)
    activerecord-import (0.22.0)
      activerecord (>= 3.2)
    activesupport (5.0.7)
      concurrent-ruby (~> 1.0, >= 1.0.2)
      i18n (>= 0.7, < 2)
      minitest (~> 5.1)
      tzinfo (~> 1.1)
    acts_as_list (0.7.6)
      activerecord (>= 3.0)
    addressable (2.5.2)
      public_suffix (>= 2.0.2, < 4.0)
    afm (0.2.2)
    annotate (2.7.2)
      activerecord (>= 3.2, < 6.0)
      rake (>= 10.4, < 13.0)
    ansi (1.5.0)
    archive-zip (0.7.0)
      io-like (~> 0.3.0)
    arel (7.1.4)
    ast (2.3.0)
    attr_required (1.0.1)
    auto_strip_attributes (2.1.0)
      activerecord (>= 3.0)
    aws-eventstream (1.0.1)
    aws-partitions (1.104.0)
    aws-sdk-acm (1.9.0)
      aws-sdk-core (~> 3)
      aws-sigv4 (~> 1.0)
    aws-sdk-cloudformation (1.6.0)
      aws-sdk-core (~> 3)
      aws-sigv4 (~> 1.0)
    aws-sdk-cloudfront (1.4.0)
      aws-sdk-core (~> 3)
      aws-sigv4 (~> 1.0)
    aws-sdk-cloudwatch (1.6.0)
      aws-sdk-core (~> 3)
      aws-sigv4 (~> 1.0)
    aws-sdk-cloudwatchlogs (1.4.0)
      aws-sdk-core (~> 3)
      aws-sigv4 (~> 1.0)
    aws-sdk-core (3.27.0)
      aws-eventstream (~> 1.0)
      aws-partitions (~> 1.0)
      aws-sigv4 (~> 1.0)
      jmespath (~> 1.0)
    aws-sdk-dynamodb (1.9.0)
      aws-sdk-core (~> 3)
      aws-sigv4 (~> 1.0)
    aws-sdk-ec2 (1.40.0)
      aws-sdk-core (~> 3)
      aws-sigv4 (~> 1.0)
    aws-sdk-firehose (1.6.0)
      aws-sdk-core (~> 3, >= 3.26.0)
      aws-sigv4 (~> 1.0)
    aws-sdk-kms (1.6.0)
      aws-sdk-core (~> 3)
      aws-sigv4 (~> 1.0)
    aws-sdk-rds (1.23.0)
      aws-sdk-core (~> 3)
      aws-sigv4 (~> 1.0)
    aws-sdk-route53 (1.10.1)
      aws-sdk-core (~> 3)
      aws-sigv4 (~> 1.0)
    aws-sdk-s3 (1.17.0)
      aws-sdk-core (~> 3, >= 3.21.2)
      aws-sdk-kms (~> 1)
      aws-sigv4 (~> 1.0)
    aws-sdk-sqs (1.4.0)
      aws-sdk-core (~> 3)
      aws-sigv4 (~> 1.0)
    aws-sigv4 (1.0.3)
    backports (3.11.3)
    bcrypt (3.1.11)
    better_errors (2.1.1)
      coderay (>= 1.0.0)
      erubis (>= 2.6.6)
      rack (>= 0.9.0)
    bindata (2.3.1)
    binding_of_caller (0.8.0)
      debug_inspector (>= 0.0.1)
    bootstrap-sass (2.3.2.2)
      sass (~> 3.2)
    brakeman (4.3.1)
    builder (3.2.3)
    cancancan (1.15.0)
    capybara (2.17.0)
      addressable
      mini_mime (>= 0.1.3)
      nokogiri (>= 1.3.3)
      rack (>= 1.0.0)
      rack-test (>= 0.5.4)
      xpath (>= 2.0, < 4.0)
    childprocess (0.8.0)
      ffi (~> 1.0, >= 1.0.11)
    chromedriver-helper (0.0.9)
      archive-zip (~> 0.7.0)
      nokogiri (~> 1.6)
    chronic (0.10.2)
    chunky_png (1.3.6)
    climate_control (0.0.3)
      activesupport (>= 3.0)
    cocaine (0.5.8)
      climate_control (>= 0.0.3, < 1.0)
    codecov (0.1.9)
      json
      simplecov
      url
    codemirror-rails (5.16.0)
      railties (>= 3.0, < 6.0)
    coderay (1.1.1)
    colorize (0.8.1)
    composite_primary_keys (9.0.10)
      activerecord (~> 5.0.0, >= 5.0.7)
    concurrent-ruby (1.0.5)
    connection_pool (2.2.1)
    crack (0.4.3)
      safe_yaml (~> 1.0.0)
    crass (1.0.4)
    cucumber (3.1.1)
      builder (>= 2.1.2)
      cucumber-core (~> 3.1.0)
      cucumber-expressions (~> 6.0.0)
      cucumber-wire (~> 0.0.1)
      diff-lcs (~> 1.3)
      gherkin (~> 5.1.0)
      multi_json (>= 1.7.5, < 2.0)
      multi_test (>= 0.1.2)
    cucumber-core (3.1.0)
      backports (>= 3.8.0)
      cucumber-tag_expressions (~> 1.1.0)
      gherkin (>= 5.0.0)
    cucumber-expressions (6.0.1)
    cucumber-tag_expressions (1.1.1)
    cucumber-wire (0.0.1)
    daemons (1.2.6)
    dalli (2.7.6)
    dalli-elasticache (0.2.0)
      dalli (>= 1.0.0)
    debug_inspector (0.0.3)
    declarative (0.0.10)
    declarative-option (0.1.0)
    devise (4.4.1)
      bcrypt (~> 3.0)
      orm_adapter (~> 0.1)
      railties (>= 4.1.0, < 5.2)
      responders
      warden (~> 1.2.3)
    devise_invitable (1.6.0)
      actionmailer (>= 3.2.6)
      devise (>= 3.2.0)
    diff-lcs (1.3)
    docile (1.1.5)
    domain_name (0.5.20160615)
      unf (>= 0.0.5, < 1.0.0)
    erubis (2.7.0)
    eventmachine (1.2.5)
    execjs (2.7.0)
    exifr (1.2.5)
    eyes_core (3.14.2)
      chunky_png (= 1.3.6)
      faraday
      oily_png (~> 1.2)
      oj
    eyes_selenium (3.14.2)
      capybara
      eyes_core (= 3.14.2)
      selenium-webdriver
      watir
    factory_girl (4.7.0)
      activesupport (>= 3.0.0)
    factory_girl_rails (4.7.0)
      factory_girl (~> 4.7.0)
      railties (>= 3.0.0)
    fake_sqs (0.3.1)
      builder
      sinatra
    fakeredis (0.6.0)
      redis (~> 3.2)
    faraday (0.9.2)
      multipart-post (>= 1.2, < 3)
    ffi (1.9.23)
    firebase (0.2.6)
      httpclient
      json
    firebase_token_generator (2.0.0)
    font-awesome-rails (4.6.3.1)
      railties (>= 3.2, < 5.1)
    fspath (3.1.0)
    gemoji (2.1.0)
    get_process_mem (0.2.3)
    gherkin (5.1.0)
    globalid (0.4.1)
      activesupport (>= 4.2.0)
    google-api-client (0.23.8)
      addressable (~> 2.5, >= 2.5.1)
      googleauth (>= 0.5, < 0.7.0)
      httpclient (>= 2.8.1, < 3.0)
      mime-types (~> 3.0)
      representable (~> 3.0)
      retriable (>= 2.0, < 4.0)
      signet (~> 0.9)
    google_drive (2.1.3)
      google-api-client (>= 0.11.0, < 1.0.0)
      googleauth (>= 0.5.0, < 1.0.0)
      nokogiri (>= 1.5.3, < 2.0.0)
    googleauth (0.5.1)
      faraday (~> 0.9)
      jwt (~> 1.4)
      logging (~> 2.0)
      memoist (~> 0.12)
      multi_json (~> 1.11)
      os (~> 0.9)
      signet (~> 0.7)
    haml-rails (1.0.0)
      actionpack (>= 4.0.1)
      activesupport (>= 4.0.1)
      haml (>= 4.0.6, < 6.0)
      html2haml (>= 1.0.1)
      railties (>= 4.0.1)
    haml_lint (0.27.0)
      haml (>= 4.0, < 5.1)
      rainbow
      rake (>= 10, < 13)
      rubocop (>= 0.50.0)
      sysexits (~> 1.1)
    hammerspace (0.1.7)
      gnista (~> 1.0.1)
    hashdiff (0.3.7)
    hashery (2.1.2)
    hashie (3.4.6)
    highline (1.6.21)
    honeybadger (3.3.0)
    html2haml (2.2.0)
      erubis (~> 2.7.0)
      haml (>= 4.0, < 6)
      nokogiri (>= 1.6.0)
      ruby_parser (~> 3.5)
    http-cookie (1.0.2)
      domain_name (~> 0.5)
    httparty (0.13.7)
      json (~> 1.8)
      multi_xml (>= 0.5.2)
    httpclient (2.8.3)
    image_size (1.5.0)
    in_threads (1.4.0)
    io-like (0.3.0)
    jbuilder (2.5.0)
      activesupport (>= 3.0.0, < 5.1)
      multi_json (~> 1.2)
    jmespath (1.4.0)
    jquery-rails (4.1.1)
      rails-dom-testing (>= 1, < 3)
      railties (>= 4.2.0)
      thor (>= 0.14, < 2.0)
    jquery-ui-rails (6.0.1)
      railties (>= 3.2.16)
    json (1.8.6)
    json-jwt (1.6.3)
      activesupport
      bindata
      multi_json (>= 1.3)
      securecompare
      url_safe_base64
    jsonapi-serializers (1.0.0)
      activesupport
    jumphash (0.1.0)
    jwt (1.5.6)
    kaminari (0.17.0)
      actionpack (>= 3.0.0)
      activesupport (>= 3.0.0)
    kgio (2.11.1)
    launchy (2.4.3)
      addressable (~> 2.3)
    le (2.7.2)
    libv8 (3.16.14.15)
    listen (3.1.5)
      rb-fsevent (~> 0.9, >= 0.9.4)
      rb-inotify (~> 0.9, >= 0.9.7)
      ruby_dep (~> 1.2)
    little-plugger (1.1.4)
    logging (2.2.2)
      little-plugger (~> 1.1)
      multi_json (~> 1.10)
    loofah (2.2.2)
      crass (~> 1.0.2)
      nokogiri (>= 1.5.9)
    mail (2.7.0)
      mini_mime (>= 0.1.1)
    marked-rails (0.3.2.0)
    memoist (0.16.0)
    memory_profiler (0.9.10)
    metaclass (0.0.4)
    method_source (0.9.0)
    mime-types (3.2.2)
      mime-types-data (~> 3.2015)
    mime-types-data (3.2018.0812)
    mini_magick (4.5.1)
    mini_mime (1.0.0)
    mini_portile2 (2.3.0)
    minitest (5.11.3)
    minitest-around (0.4.1)
      minitest (~> 5.0)
    minitest-reporters (1.2.0.beta3)
      ansi
      builder
      minitest (>= 5.0)
      ruby-progressbar
    mocha (1.1.0)
      metaclass (~> 0.0.1)
    multi_json (1.13.1)
    multi_test (0.1.2)
    multi_xml (0.5.5)
    multipart-post (2.0.0)
    mustermann (1.0.1)
    mysql2 (0.5.2)
    nakayoshi_fork (0.0.4)
    naturally (2.1.0)
    net-http-persistent (2.9.4)
    net-scp (1.2.1)
      net-ssh (>= 2.6.5)
    net-ssh (3.2.0)
    netrc (0.11.0)
    newrelic_rpm (4.8.0.341)
    nio4r (2.3.1)
    nokogiri (1.8.4)
      mini_portile2 (~> 2.3.0)
    oauth (0.5.1)
    oauth2 (1.2.0)
      faraday (>= 0.8, < 0.10)
      jwt (~> 1.0)
      multi_json (~> 1.3)
      multi_xml (~> 0.5)
      rack (>= 1.2, < 3)
    octokit (4.7.0)
      sawyer (~> 0.8.0, >= 0.5.3)
    oily_png (1.2.0)
      chunky_png (~> 1.3.1)
    oj (3.3.10)
    omniauth (1.3.2)
      hashie (>= 1.2, < 4)
      rack (>= 1.0, < 3)
    omniauth-facebook (4.0.0)
      omniauth-oauth2 (~> 1.2)
    omniauth-google-oauth2 (0.3.1)
      jwt (~> 1.0)
      multi_json (~> 1.3)
      omniauth (>= 1.1.1)
      omniauth-oauth2 (>= 1.3.1)
    omniauth-oauth2 (1.4.0)
      oauth2 (~> 1.0)
      omniauth (~> 1.2)
    omniauth-openid (1.0.1)
      omniauth (~> 1.0)
      rack-openid (~> 1.3.1)
    open_uri_redirections (0.2.1)
    openid_connect (1.0.3)
      activemodel
      attr_required (>= 1.0.0)
      json (>= 1.4.3)
      json-jwt (>= 1.5.0)
      rack-oauth2 (>= 1.3.1)
      swd (>= 1.0.0)
      tzinfo
      validate_email
      validate_url
      webfinger (>= 1.0.1)
    orm_adapter (0.5.0)
    os (0.9.6)
    parallel (1.12.1)
    parallel_tests (2.27.0)
      parallel
    paranoia (2.3.1)
      activerecord (>= 4.0, < 5.2)
    parser (2.4.0.2)
      ast (~> 2.3)
    pdf-reader (1.4.0)
      Ascii85 (~> 1.0.0)
      afm (~> 0.2.1)
      hashery (~> 2.0)
      ruby-rc4
      ttfunk
    pg (1.0.0)
    phantomjs (1.9.7.1)
    powerpack (0.1.1)
    progress (3.3.1)
    pry (0.12.2)
      coderay (~> 1.1.0)
      method_source (~> 0.9.0)
    public_suffix (3.0.3)
    puma_worker_killer (0.1.0)
      get_process_mem (~> 0.2)
      puma (>= 2.7, < 4)
    pusher (1.3.1)
      httpclient (~> 2.7)
      multi_json (~> 1.0)
      pusher-signature (~> 0.1.8)
    pusher-signature (0.1.8)
    rack (2.0.5)
    rack-cache (1.6.1)
      rack (>= 0.4)
    rack-mini-profiler (1.0.0)
      rack (>= 1.2.0)
    rack-oauth2 (1.5.1)
      activesupport (>= 2.3)
      attr_required (>= 0.0.5)
      httpclient (>= 2.4)
      multi_json (>= 1.3.6)
      rack (>= 1.1)
    rack-openid (1.3.1)
      rack (>= 1.1.0)
      ruby-openid (>= 2.1.8)
    rack-parser (0.7.0)
      rack
    rack-protection (2.0.1.rc1)
      rack
    rack-ssl-enforcer (0.2.9)
    rack-test (0.6.3)
      rack (>= 1.0)
    rack_csrf (2.5.0)
      rack (>= 1.1.0)
    rails (5.0.7)
      actioncable (= 5.0.7)
      actionmailer (= 5.0.7)
      actionpack (= 5.0.7)
      actionview (= 5.0.7)
      activejob (= 5.0.7)
      activemodel (= 5.0.7)
      activerecord (= 5.0.7)
      activesupport (= 5.0.7)
      bundler (>= 1.3.0)
      railties (= 5.0.7)
      sprockets-rails (>= 2.0.0)
    rails-controller-testing (0.1.1)
      actionpack (~> 5.x)
      actionview (~> 5.x)
      activesupport (~> 5.x)
    rails-dom-testing (2.0.3)
      activesupport (>= 4.2.0)
      nokogiri (>= 1.6)
    rails-html-sanitizer (1.0.4)
      loofah (~> 2.2, >= 2.2.2)
    railties (5.0.7)
      actionpack (= 5.0.7)
      activesupport (= 5.0.7)
      method_source
      rake (>= 0.8.7)
      thor (>= 0.18.1, < 2.0)
    rainbow (3.0.0)
    raindrops (0.19.0)
    rake (11.3.0)
    rambling-trie (1.0.0)
    rb-fsevent (0.10.2)
    rb-inotify (0.9.10)
      ffi (>= 0.5.0, < 2)
    rdoc (4.2.2)
      json (~> 1.4)
    recaptcha (4.6.3)
      json
    redcarpet (3.3.4)
    redis (3.3.3)
    ref (2.0.0)
    representable (3.0.4)
      declarative (< 0.1.0)
      declarative-option (< 0.2.0)
      uber (< 0.2.0)
    request_store (1.4.1)
      rack (>= 1.4)
    require_all (2.0.0)
    rerun (0.13.0)
      listen (~> 3.0)
    responders (2.4.0)
      actionpack (>= 4.2.0, < 5.3)
      railties (>= 4.2.0, < 5.3)
    rest-client (2.0.0)
      http-cookie (>= 1.0.2, < 2.0)
      mime-types (>= 1.16, < 4.0)
      netrc (~> 0.8)
    retriable (3.1.2)
    retryable (2.0.4)
    rinku (2.0.4)
    rmagick (2.16.0)
    rspec (3.5.0)
      rspec-core (~> 3.5.0)
      rspec-expectations (~> 3.5.0)
      rspec-mocks (~> 3.5.0)
    rspec-core (3.5.1)
      rspec-support (~> 3.5.0)
    rspec-expectations (3.5.0)
      diff-lcs (>= 1.2.0, < 2.0)
      rspec-support (~> 3.5.0)
    rspec-mocks (3.5.0)
      diff-lcs (>= 1.2.0, < 2.0)
      rspec-support (~> 3.5.0)
    rspec-support (3.5.0)
    rubocop (0.52.1)
      parallel (~> 1.10)
      parser (>= 2.4.0.2, < 3.0)
      powerpack (~> 0.1)
      rainbow (>= 2.2.2, < 4.0)
      ruby-progressbar (~> 1.7)
      unicode-display_width (~> 1.0, >= 1.0.1)
    ruby-openid (2.7.0)
    ruby-prof (0.15.9)
    ruby-progressbar (1.9.0)
    ruby-rc4 (0.1.5)
    ruby_dep (1.3.1)
    ruby_parser (3.11.0)
      sexp_processor (~> 4.9)
    rubyzip (1.2.1)
    safe_yaml (1.0.4)
    sass (3.4.22)
    sawyer (0.8.1)
      addressable (>= 2.3.5, < 2.6)
      faraday (~> 0.8, < 1.0)
    scss_lint (0.49.0)
      rake (>= 0.9, < 12)
      sass (~> 3.4.20)
    sdoc (0.4.1)
      json (~> 1.7, >= 1.7.7)
      rdoc (~> 4.0)
    securecompare (1.0.0)
    selenium-webdriver (3.8.0)
      childprocess (~> 0.5)
      rubyzip (~> 1.0)
    sequel (5.9.0)
    sexp_processor (4.10.1)
    shotgun (0.9.1)
      rack (>= 1.0)
    signet (0.9.1)
      addressable (~> 2.3)
      faraday (~> 0.9)
      jwt (>= 1.5, < 3.0)
      multi_json (~> 1.10)
    simplecov (0.15.1)
      docile (~> 1.1.0)
      json (>= 1.8, < 3)
      simplecov-html (~> 0.10.0)
    simplecov-html (0.10.2)
    sinatra (2.0.1.rc1)
      mustermann (~> 1.0)
      rack (~> 2.0)
      rack-protection (= 2.0.1.rc1)
      tilt (~> 2.0)
    spring (2.0.1)
      activesupport (>= 4.2)
    spring-commands-testunit (1.0.1)
      spring (>= 0.9.1)
    sprockets-rails (3.2.1)
      actionpack (>= 4.0)
      activesupport (>= 4.0)
      sprockets (>= 3.0.0)
    sqlite3 (1.3.11)
    sshkit (1.11.4)
      net-scp (>= 1.1.2)
      net-ssh (>= 2.8.0)
    stringex (2.5.2)
    swd (1.0.1)
      activesupport (>= 3)
      attr_required (>= 0.0.5)
      httpclient (>= 2.4)
      i18n
      json (>= 1.4.3)
    sysexits (1.2.0)
    temple (0.8.0)
    therubyracer (0.12.3)
      libv8 (~> 3.16.14.15)
      ref
    thin (1.7.2)
      daemons (~> 1.0, >= 1.0.9)
      eventmachine (~> 1.0, >= 1.0.4)
      rack (>= 1, < 3)
    thor (0.20.0)
    thread_safe (0.3.6)
    tilt (2.0.8)
    timecop (0.8.1)
    ttfunk (1.4.0)
    twilio-ruby (4.11.1)
      builder (>= 2.1.2)
      jwt (~> 1.0)
      multi_json (>= 1.3.0)
    tzinfo (1.2.5)
      thread_safe (~> 0.1)
    uber (0.1.0)
    uglifier (3.0.0)
      execjs (>= 0.3.0, < 3)
    unf (0.1.4)
      unf_ext
    unf_ext (0.0.7.2)
    unicode-display_width (1.3.0)
    unicode_utils (1.4.0)
    unicorn (5.1.0)
      kgio (~> 2.6)
      raindrops (~> 0.7)
    url (0.3.2)
    url_safe_base64 (0.2.2)
    user_agent_parser (2.3.0)
    validate_email (0.1.6)
      activemodel (>= 3.0)
      mail (>= 2.2.5)
    validate_url (1.0.2)
      activemodel (>= 3.0.0)
      addressable
    validates_email_format_of (1.6.3)
      i18n
    vcr (3.0.3)
    warden (1.2.7)
      rack (>= 1.0)
    watir (6.10.3)
      selenium-webdriver (~> 3.4, >= 3.4.1)
    web-console (3.3.1)
      actionview (>= 5.0)
      activemodel (>= 5.0)
      debug_inspector
      railties (>= 5.0)
    webfinger (1.0.2)
      activesupport
      httpclient (>= 2.4)
      multi_json
    webmock (3.3.0)
      addressable (>= 2.3.6)
      crack (>= 0.3.2)
      hashdiff
    websocket-driver (0.6.5)
      websocket-extensions (>= 0.1.0)
    websocket-extensions (0.1.3)
    xpath (2.1.0)
      nokogiri (~> 1.3)
    xxhash (0.4.0)
    youtube-dl.rb (0.3.1.2016.08.19)
      cocaine (>= 0.5.4)

PLATFORMS
  ruby

DEPENDENCIES
  StreetAddress
  acmesmith (~> 0)
  active_model_serializers!
  active_record_query_trace
  activerecord-import
  acts_as_list
  addressable
  annotate
  auto_strip_attributes (~> 2.1)
  aws-sdk-acm (~> 1)
  aws-sdk-cloudformation (~> 1)
  aws-sdk-cloudfront (~> 1)
  aws-sdk-cloudwatch (~> 1)
  aws-sdk-cloudwatchlogs (~> 1)
  aws-sdk-core (~> 3)
  aws-sdk-dynamodb (~> 1)
  aws-sdk-ec2 (~> 1)
  aws-sdk-firehose (~> 1.6)
  aws-sdk-rds (~> 1)
  aws-sdk-route53 (~> 1)
  aws-sdk-s3 (~> 1)
  aws-sdk-sqs (~> 1)
  bcrypt
  better_errors
  binding_of_caller
  bootstrap-sass (~> 2.3.2.2)
  brakeman
  cancancan (~> 1.15.0)
  chromedriver-helper (~> 0.0.7)
  chronic (~> 0.10.2)
  codecov
  codemirror-rails
  colorize
  composite_primary_keys
  cucumber
  daemons
  dalli
  dalli-elasticache
  devise (~> 4.4.0)
  devise_invitable (~> 1.6.0)
  execjs
  eyes_selenium (= 3.14.2)
  factory_girl_rails
  fake_sqs
  fakeredis
  firebase
  firebase_token_generator
  font-awesome-rails (~> 4.6.3)
  full-name-splitter!
  gctools!
  gemoji
  geocoder!
  gnista!
  google-api-client (~> 0.23)
  google_drive
  haml!
  haml-rails
  haml_lint
  hammerspace
  highline (~> 1.6.21)
  honeybadger
  httparty
  i18n!
  image_optim!
  image_optim_pack (~> 0.5.0)!
  image_optim_rails!
  image_size
  ims-lti!
  jbuilder (~> 2.5)
  jquery-rails
  jquery-ui-rails (~> 6.0.1)
  jumphash
  jwt
  kaminari
  launchy
  le (~> 2.2)
  lograge!
  loofah (~> 2.2.1)
  marked-rails
  memory_profiler
  mini_magick
  minitest (~> 5.5)
  minitest-around
  minitest-reporters (~> 1.2.0.beta3)
  mocha
  mysql2 (>= 0.4.1)
  nakayoshi_fork
  naturally
  net-http-persistent
  net-scp
  net-ssh
  newrelic_rpm (~> 4.8.0)
  nokogiri (~> 1.8.2)
  octokit
  oj
  omniauth-clever (~> 1.2.1)!
  omniauth-facebook (~> 4.0.0)
  omniauth-google-oauth2 (~> 0.3.1)
  omniauth-microsoft_v2_auth!
  omniauth-openid
  omniauth-openid-connect!
  omniauth-windowslive (~> 0.0.11)!
  open_uri_redirections
  os
  parallel
  parallel_tests
  paranoia
  pdf-reader
  petit!
  pg
  phantomjs (~> 1.9.7.1)
  pry
  puma!
  puma_worker_killer
  pusher (~> 1.3.1)
  rack-cache
  rack-mini-profiler
  rack-ssl-enforcer
  rack_csrf
  rails (~> 5.0.1)
  rails-controller-testing
  rambling-trie
  recaptcha
  redcarpet (~> 3.3.4)
  redis (~> 3.3.3)
  redis-slave-read!
  require_all
  rerun
  responders (~> 2.0)
  rest-client (~> 2.0)
  retryable
  rinku
  rmagick
  rspec
  rubocop (~> 0.52)
  ruby-prof
  ruby-progressbar
  ruby_dep (~> 1.3.1)
  sass-rails!
  scss_lint
  sdoc
  seamless_database_pool!
  selenium-webdriver (= 3.8.0)
  sequel
  shotgun
  simplecov (~> 0.9)
  sinatra (~> 2.0.0.beta2)
  sort_alphabetical!
  spring
  spring-commands-testunit
  sprockets!
  sprockets-rails
  sqlite3
  sshkit
  stringex (~> 2.5.2)
  therubyracer (~> 0.12.2)
  thin
  timecop
  twilio-ruby
  uglifier (>= 1.3.0)
  unicorn (~> 5.1.0)
  user_agent_parser
  validates_email_format_of
  vcr
  web-console
  webmock
  xxhash
  youtube-dl.rb

RUBY VERSION
   ruby 2.5.0p0

BUNDLED WITH
   1.17.0
